STORAGE: NONE
RESTRICTION: || (== net46) (== net462) (== netcoreapp2.1) (== netcoreapp2.2) (== netstandard2.0)
NUGET
  remote: https://www.nuget.org/api/v2
    Castle.Core (4.4)
      NETStandard.Library (>= 1.6.1) - restriction: || (&& (== net46) (< net35)) (&& (== net462) (< net35)) (== netcoreapp2.1) (== netcoreapp2.2) (== netstandard2.0)
      System.Collections.Specialized (>= 4.3) - restriction: || (&& (== net46) (< net35)) (&& (== net462) (< net35)) (== netcoreapp2.1) (== netcoreapp2.2) (== netstandard2.0)
      System.ComponentModel (>= 4.3) - restriction: || (&& (== net46) (< net35)) (&& (== net462) (< net35)) (== netcoreapp2.1) (== netcoreapp2.2) (== netstandard2.0)
      System.ComponentModel.TypeConverter (>= 4.3) - restriction: || (&& (== net46) (< net35)) (&& (== net462) (< net35)) (== netcoreapp2.1) (== netcoreapp2.2) (== netstandard2.0)
      System.Diagnostics.TraceSource (>= 4.3) - restriction: || (&& (== net46) (< net35)) (&& (== net462) (< net35)) (== netcoreapp2.1) (== netcoreapp2.2) (== netstandard2.0)
      System.Dynamic.Runtime (>= 4.3) - restriction: || (&& (== net46) (< net35)) (&& (== net462) (< net35)) (== netcoreapp2.1) (== netcoreapp2.2) (== netstandard2.0)
      System.Reflection (>= 4.3) - restriction: || (&& (== net46) (< net35)) (&& (== net462) (< net35)) (== netcoreapp2.1) (== netcoreapp2.2) (== netstandard2.0)
      System.Reflection.Emit (>= 4.3) - restriction: || (&& (== net46) (< net35)) (&& (== net462) (< net35)) (== netcoreapp2.1) (== netcoreapp2.2) (== netstandard2.0)
      System.Reflection.TypeExtensions (>= 4.3) - restriction: || (&& (== net46) (< net35)) (&& (== net462) (< net35)) (== netcoreapp2.1) (== netcoreapp2.2) (== netstandard2.0)
      System.Xml.XmlDocument (>= 4.3) - restriction: || (&& (== net46) (< net35)) (&& (== net462) (< net35)) (== netcoreapp2.1) (== netcoreapp2.2) (== netstandard2.0)
    CommandLineParser (2.5)
    Dapper (1.60.6)
      System.Data.SqlClient (>= 4.4) - restriction: || (&& (== net46) (< net451)) (&& (== net462) (< net451)) (== netcoreapp2.1) (== netcoreapp2.2) (== netstandard2.0)
      System.Reflection.Emit.Lightweight (>= 4.3) - restriction: || (&& (== net46) (< net451)) (&& (== net462) (< net451)) (== netcoreapp2.1) (== netcoreapp2.2) (== netstandard2.0)
      System.Reflection.TypeExtensions (>= 4.4) - restriction: || (&& (== net46) (< net451)) (&& (== net462) (< net451)) (== netcoreapp2.1) (== netcoreapp2.2) (== netstandard2.0)
    Hangfire (1.7.3)
      Hangfire.AspNetCore (1.7.3) - restriction: || (&& (== net46) (< net45)) (&& (== net462) (< net45)) (== netcoreapp2.1) (== netcoreapp2.2) (== netstandard2.0)
      Hangfire.Core (1.7.3)
      Hangfire.SqlServer (1.7.3)
      Microsoft.Owin.Host.SystemWeb (>= 3.0) - restriction: || (== net46) (== net462) (&& (== netcoreapp2.1) (>= net45)) (&& (== netcoreapp2.2) (>= net45)) (&& (== netstandard2.0) (>= net45))
    Hangfire.AspNetCore (1.7.3) - restriction: || (&& (== net46) (< net45)) (&& (== net462) (< net45)) (== netcoreapp2.1) (== netcoreapp2.2) (== netstandard2.0)
      Hangfire.Core (1.7.3)
      Microsoft.AspNetCore.Antiforgery (>= 2.0) - restriction: || (&& (== net46) (< net451) (>= netstandard2.0)) (&& (== net462) (< net451) (>= netstandard2.0)) (== netcoreapp2.1) (== netcoreapp2.2) (== netstandard2.0)
      Microsoft.AspNetCore.Hosting.Abstractions (>= 2.0) - restriction: || (&& (== net46) (< net451) (>= netstandard2.0)) (&& (== net462) (< net451) (>= netstandard2.0)) (== netcoreapp2.1) (== netcoreapp2.2) (== netstandard2.0)
      Microsoft.AspNetCore.Http.Abstractions (>= 2.0) - restriction: || (&& (== net46) (< net451) (>= netstandard2.0)) (&& (== net462) (< net451) (>= netstandard2.0)) (== netcoreapp2.1) (== netcoreapp2.2) (== netstandard2.0)
      Microsoft.Extensions.DependencyInjection.Abstractions (>= 2.0) - restriction: || (&& (== net46) (< net451) (>= netstandard2.0)) (&& (== net462) (< net451) (>= netstandard2.0)) (== netcoreapp2.1) (== netcoreapp2.2) (== netstandard2.0)
      Microsoft.Extensions.Logging.Abstractions (>= 2.0) - restriction: || (&& (== net46) (< net451) (>= netstandard2.0)) (&& (== net462) (< net451) (>= netstandard2.0)) (== netcoreapp2.1) (== netcoreapp2.2) (== netstandard2.0)
    Hangfire.Core (1.7.3)
      Newtonsoft.Json (>= 5.0.1) - restriction: || (== net46) (== net462) (&& (== netcoreapp2.1) (>= net45) (< netstandard1.3)) (&& (== netcoreapp2.1) (>= net46)) (&& (== netcoreapp2.2) (>= net45) (< netstandard1.3)) (&& (== netcoreapp2.2) (>= net46)) (&& (== netstandard2.0) (>= net45) (< netstandard1.3)) (&& (== netstandard2.0) (>= net46))
      Newtonsoft.Json (>= 11.0.1) - restriction: || (&& (== net46) (< net45) (>= netstandard2.0)) (&& (== net462) (< net45) (>= netstandard2.0)) (== netcoreapp2.1) (== netcoreapp2.2) (== netstandard2.0)
      Owin (>= 1.0) - restriction: || (== net46) (== net462) (&& (== netcoreapp2.1) (>= net45) (< netstandard1.3)) (&& (== netcoreapp2.1) (>= net46)) (&& (== netcoreapp2.2) (>= net45) (< netstandard1.3)) (&& (== netcoreapp2.2) (>= net46)) (&& (== netstandard2.0) (>= net45) (< netstandard1.3)) (&& (== netstandard2.0) (>= net46))
    Hangfire.SqlServer (1.7.3)
      Hangfire.Core (1.7.3)
      System.Data.SqlClient (>= 4.4) - restriction: || (&& (== net46) (< net45) (>= netstandard2.0)) (&& (== net462) (< net45) (>= netstandard2.0)) (== netcoreapp2.1) (== netcoreapp2.2) (== netstandard2.0)
    Microsoft.AspNetCore.Antiforgery (2.2) - restriction: || (&& (== net46) (< net45) (>= netstandard2.0)) (&& (== net462) (< net45) (>= netstandard2.0)) (== netcoreapp2.1) (== netcoreapp2.2) (== netstandard2.0)
      Microsoft.AspNetCore.DataProtection (>= 2.2) - restriction: || (&& (== net46) (>= netstandard2.0)) (&& (== net462) (>= netstandard2.0)) (== netcoreapp2.1) (== netcoreapp2.2) (== netstandard2.0)
      Microsoft.AspNetCore.Http.Abstractions (>= 2.2) - restriction: || (&& (== net46) (>= netstandard2.0)) (&& (== net462) (>= netstandard2.0)) (== netcoreapp2.1) (== netcoreapp2.2) (== netstandard2.0)
      Microsoft.AspNetCore.Http.Extensions (>= 2.2) - restriction: || (&& (== net46) (>= netstandard2.0)) (&& (== net462) (>= netstandard2.0)) (== netcoreapp2.1) (== netcoreapp2.2) (== netstandard2.0)
      Microsoft.AspNetCore.WebUtilities (>= 2.2) - restriction: || (&& (== net46) (>= netstandard2.0)) (&& (== net462) (>= netstandard2.0)) (== netcoreapp2.1) (== netcoreapp2.2) (== netstandard2.0)
      Microsoft.Extensions.ObjectPool (>= 2.2) - restriction: || (&& (== net46) (>= netstandard2.0)) (&& (== net462) (>= netstandard2.0)) (== netcoreapp2.1) (== netcoreapp2.2) (== netstandard2.0)
    Microsoft.AspNetCore.Cryptography.Internal (2.2) - restriction: || (&& (== net46) (< net45) (>= netstandard2.0)) (&& (== net462) (< net45) (>= netstandard2.0)) (== netcoreapp2.1) (== netcoreapp2.2) (== netstandard2.0)
    Microsoft.AspNetCore.DataProtection (2.2) - restriction: || (&& (== net46) (< net45) (>= netstandard2.0)) (&& (== net462) (< net45) (>= netstandard2.0)) (== netcoreapp2.1) (== netcoreapp2.2) (== netstandard2.0)
      Microsoft.AspNetCore.Cryptography.Internal (>= 2.2) - restriction: || (&& (== net46) (>= netstandard2.0)) (&& (== net462) (>= netstandard2.0)) (== netcoreapp2.1) (== netcoreapp2.2) (== netstandard2.0)
      Microsoft.AspNetCore.DataProtection.Abstractions (>= 2.2) - restriction: || (&& (== net46) (>= netstandard2.0)) (&& (== net462) (>= netstandard2.0)) (== netcoreapp2.1) (== netcoreapp2.2) (== netstandard2.0)
      Microsoft.AspNetCore.Hosting.Abstractions (>= 2.2) - restriction: || (&& (== net46) (>= netstandard2.0)) (&& (== net462) (>= netstandard2.0)) (== netcoreapp2.1) (== netcoreapp2.2) (== netstandard2.0)
      Microsoft.Extensions.DependencyInjection.Abstractions (>= 2.2) - restriction: || (&& (== net46) (>= netstandard2.0)) (&& (== net462) (>= netstandard2.0)) (== netcoreapp2.1) (== netcoreapp2.2) (== netstandard2.0)
      Microsoft.Extensions.Logging.Abstractions (>= 2.2) - restriction: || (&& (== net46) (>= netstandard2.0)) (&& (== net462) (>= netstandard2.0)) (== netcoreapp2.1) (== netcoreapp2.2) (== netstandard2.0)
      Microsoft.Extensions.Options (>= 2.2) - restriction: || (&& (== net46) (>= netstandard2.0)) (&& (== net462) (>= netstandard2.0)) (== netcoreapp2.1) (== netcoreapp2.2) (== netstandard2.0)
      Microsoft.Win32.Registry (>= 4.5) - restriction: || (&& (== net46) (>= netstandard2.0)) (&& (== net462) (>= netstandard2.0)) (== netcoreapp2.1) (== netcoreapp2.2) (== netstandard2.0)
      System.Security.Cryptography.Xml (>= 4.5) - restriction: || (&& (== net46) (>= netstandard2.0)) (&& (== net462) (>= netstandard2.0)) (== netcoreapp2.1) (== netcoreapp2.2) (== netstandard2.0)
      System.Security.Principal.Windows (>= 4.5) - restriction: || (&& (== net46) (>= netstandard2.0)) (&& (== net462) (>= netstandard2.0)) (== netcoreapp2.1) (== netcoreapp2.2) (== netstandard2.0)
    Microsoft.AspNetCore.DataProtection.Abstractions (2.2) - restriction: || (&& (== net46) (< net45) (>= netstandard2.0)) (&& (== net462) (< net45) (>= netstandard2.0)) (== netcoreapp2.1) (== netcoreapp2.2) (== netstandard2.0)
    Microsoft.AspNetCore.Hosting.Abstractions (2.2) - restriction: || (&& (== net46) (< net45) (>= netstandard2.0)) (&& (== net462) (< net45) (>= netstandard2.0)) (== netcoreapp2.1) (== netcoreapp2.2) (== netstandard2.0)
      Microsoft.AspNetCore.Hosting.Server.Abstractions (>= 2.2) - restriction: || (&& (== net46) (>= netstandard2.0)) (&& (== net462) (>= netstandard2.0)) (== netcoreapp2.1) (== netcoreapp2.2) (== netstandard2.0)
      Microsoft.AspNetCore.Http.Abstractions (>= 2.2) - restriction: || (&& (== net46) (>= netstandard2.0)) (&& (== net462) (>= netstandard2.0)) (== netcoreapp2.1) (== netcoreapp2.2) (== netstandard2.0)
      Microsoft.Extensions.Hosting.Abstractions (>= 2.2) - restriction: || (&& (== net46) (>= netstandard2.0)) (&& (== net462) (>= netstandard2.0)) (== netcoreapp2.1) (== netcoreapp2.2) (== netstandard2.0)
    Microsoft.AspNetCore.Hosting.Server.Abstractions (2.2) - restriction: || (&& (== net46) (< net45) (>= netstandard2.0)) (&& (== net462) (< net45) (>= netstandard2.0)) (== netcoreapp2.1) (== netcoreapp2.2) (== netstandard2.0)
      Microsoft.AspNetCore.Http.Features (>= 2.2) - restriction: || (&& (== net46) (>= netstandard2.0)) (&& (== net462) (>= netstandard2.0)) (== netcoreapp2.1) (== netcoreapp2.2) (== netstandard2.0)
      Microsoft.Extensions.Configuration.Abstractions (>= 2.2) - restriction: || (&& (== net46) (>= netstandard2.0)) (&& (== net462) (>= netstandard2.0)) (== netcoreapp2.1) (== netcoreapp2.2) (== netstandard2.0)
    Microsoft.AspNetCore.Http.Abstractions (2.2) - restriction: || (&& (== net46) (< net45) (>= netstandard2.0)) (&& (== net462) (< net45) (>= netstandard2.0)) (== netcoreapp2.1) (== netcoreapp2.2) (== netstandard2.0)
      Microsoft.AspNetCore.Http.Features (>= 2.2) - restriction: || (&& (== net46) (>= netstandard2.0)) (&& (== net462) (>= netstandard2.0)) (== netcoreapp2.1) (== netcoreapp2.2) (== netstandard2.0)
      System.Text.Encodings.Web (>= 4.5) - restriction: || (&& (== net46) (>= netstandard2.0)) (&& (== net462) (>= netstandard2.0)) (== netcoreapp2.1) (== netcoreapp2.2) (== netstandard2.0)
    Microsoft.AspNetCore.Http.Extensions (2.2) - restriction: || (&& (== net46) (< net45) (>= netstandard2.0)) (&& (== net462) (< net45) (>= netstandard2.0)) (== netcoreapp2.1) (== netcoreapp2.2) (== netstandard2.0)
      Microsoft.AspNetCore.Http.Abstractions (>= 2.2) - restriction: || (&& (== net46) (>= netstandard2.0)) (&& (== net462) (>= netstandard2.0)) (== netcoreapp2.1) (== netcoreapp2.2) (== netstandard2.0)
      Microsoft.Extensions.FileProviders.Abstractions (>= 2.2) - restriction: || (&& (== net46) (>= netstandard2.0)) (&& (== net462) (>= netstandard2.0)) (== netcoreapp2.1) (== netcoreapp2.2) (== netstandard2.0)
      Microsoft.Net.Http.Headers (>= 2.2) - restriction: || (&& (== net46) (>= netstandard2.0)) (&& (== net462) (>= netstandard2.0)) (== netcoreapp2.1) (== netcoreapp2.2) (== netstandard2.0)
      System.Buffers (>= 4.5) - restriction: || (&& (== net46) (>= netstandard2.0)) (&& (== net462) (>= netstandard2.0)) (== netcoreapp2.1) (== netcoreapp2.2) (== netstandard2.0)
    Microsoft.AspNetCore.Http.Features (2.2) - restriction: || (&& (== net46) (< net45) (>= netstandard2.0)) (&& (== net462) (< net45) (>= netstandard2.0)) (== netcoreapp2.1) (== netcoreapp2.2) (== netstandard2.0)
      Microsoft.Extensions.Primitives (>= 2.2) - restriction: || (&& (== net46) (>= netstandard2.0)) (&& (== net462) (>= netstandard2.0)) (== netcoreapp2.1) (== netcoreapp2.2) (== netstandard2.0)
    Microsoft.AspNetCore.WebUtilities (2.2) - restriction: || (&& (== net46) (< net45) (>= netstandard2.0)) (&& (== net462) (< net45) (>= netstandard2.0)) (== netcoreapp2.1) (== netcoreapp2.2) (== netstandard2.0)
      Microsoft.Net.Http.Headers (>= 2.2) - restriction: || (&& (== net46) (>= netstandard2.0)) (&& (== net462) (>= netstandard2.0)) (== netcoreapp2.1) (== netcoreapp2.2) (== netstandard2.0)
      System.Text.Encodings.Web (>= 4.5) - restriction: || (&& (== net46) (>= netstandard2.0)) (&& (== net462) (>= netstandard2.0)) (== netcoreapp2.1) (== netcoreapp2.2) (== netstandard2.0)
    Microsoft.CodeCoverage (16.1.1) - restriction: || (== net46) (== net462) (== netcoreapp2.1) (== netcoreapp2.2) (&& (== netstandard2.0) (>= net45)) (&& (== netstandard2.0) (>= netcoreapp1.0))
    Microsoft.CSharp (4.5)
    Microsoft.DotNet.PlatformAbstractions (2.1) - restriction: || (&& (== net46) (>= netcoreapp1.0)) (&& (== net462) (>= netcoreapp1.0)) (== netcoreapp2.1) (== netcoreapp2.2) (&& (== netstandard2.0) (>= netcoreapp1.0))
      System.AppContext (>= 4.1) - restriction: || (&& (== net46) (< net45)) (&& (== net462) (< net45)) (== netcoreapp2.1) (== netcoreapp2.2) (== netstandard2.0)
      System.Collections (>= 4.0.11) - restriction: || (&& (== net46) (< net45)) (&& (== net462) (< net45)) (== netcoreapp2.1) (== netcoreapp2.2) (== netstandard2.0)
      System.IO (>= 4.1) - restriction: || (&& (== net46) (< net45)) (&& (== net462) (< net45)) (== netcoreapp2.1) (== netcoreapp2.2) (== netstandard2.0)
      System.IO.FileSystem (>= 4.0.1) - restriction: || (&& (== net46) (< net45)) (&& (== net462) (< net45)) (== netcoreapp2.1) (== netcoreapp2.2) (== netstandard2.0)
      System.Reflection.TypeExtensions (>= 4.1) - restriction: || (&& (== net46) (< net45)) (&& (== net462) (< net45)) (== netcoreapp2.1) (== netcoreapp2.2) (== netstandard2.0)
      System.Runtime.Extensions (>= 4.1) - restriction: || (&& (== net46) (< net45)) (&& (== net462) (< net45)) (== netcoreapp2.1) (== netcoreapp2.2) (== netstandard2.0)
      System.Runtime.InteropServices (>= 4.1) - restriction: || (&& (== net46) (< net45)) (&& (== net462) (< net45)) (== netcoreapp2.1) (== netcoreapp2.2) (== netstandard2.0)
      System.Runtime.InteropServices.RuntimeInformation (>= 4.0)
    Microsoft.Extensions.Configuration (2.2) - restriction: || (&& (== net46) (>= netstandard2.0)) (&& (== net462) (>= netstandard2.0)) (== netcoreapp2.1) (== netcoreapp2.2) (== netstandard2.0)
      Microsoft.Extensions.Configuration.Abstractions (>= 2.2) - restriction: || (&& (== net46) (>= netstandard2.0)) (&& (== net462) (>= netstandard2.0)) (== netcoreapp2.1) (== netcoreapp2.2) (== netstandard2.0)
    Microsoft.Extensions.Configuration.Abstractions (2.2) - restriction: || (&& (== net46) (>= netstandard2.0)) (&& (== net462) (>= netstandard2.0)) (== netcoreapp2.1) (== netcoreapp2.2) (== netstandard2.0)
      Microsoft.Extensions.Primitives (>= 2.2) - restriction: || (&& (== net46) (>= netstandard2.0)) (&& (== net462) (>= netstandard2.0)) (== netcoreapp2.1) (== netcoreapp2.2) (== netstandard2.0)
    Microsoft.Extensions.Configuration.Binder (2.2.4) - restriction: || (&& (== net46) (>= netstandard2.0)) (&& (== net462) (>= netstandard2.0)) (== netcoreapp2.1) (== netcoreapp2.2) (== netstandard2.0)
      Microsoft.Extensions.Configuration (>= 2.2) - restriction: || (&& (== net46) (>= netstandard2.0)) (&& (== net462) (>= netstandard2.0)) (== netcoreapp2.1) (== netcoreapp2.2) (== netstandard2.0)
    Microsoft.Extensions.DependencyInjection (2.2)
      Microsoft.Extensions.DependencyInjection.Abstractions (>= 2.2) - restriction: || (&& (== net46) (>= net461)) (&& (== net46) (>= netstandard2.0)) (== net462) (== netcoreapp2.1) (== netcoreapp2.2) (== netstandard2.0)
    Microsoft.Extensions.DependencyInjection.Abstractions (2.2)
    Microsoft.Extensions.DependencyModel (2.1) - restriction: || (&& (== net46) (>= netcoreapp1.0)) (&& (== net462) (>= netcoreapp1.0)) (== netcoreapp2.1) (== netcoreapp2.2) (&& (== netstandard2.0) (>= netcoreapp1.0))
      Microsoft.DotNet.PlatformAbstractions (>= 2.1)
      Newtonsoft.Json (>= 9.0.1)
      System.Diagnostics.Debug (>= 4.0.11) - restriction: || (&& (== net46) (< net451)) (&& (== net462) (< net451)) (== netcoreapp2.1) (== netcoreapp2.2) (== netstandard2.0)
      System.Dynamic.Runtime (>= 4.0.11) - restriction: || (&& (== net46) (< net451)) (&& (== net462) (< net451)) (== netcoreapp2.1) (== netcoreapp2.2) (== netstandard2.0)
      System.Linq (>= 4.1) - restriction: || (&& (== net46) (< net451)) (&& (== net462) (< net451)) (== netcoreapp2.1) (== netcoreapp2.2) (== netstandard2.0)
    Microsoft.Extensions.FileProviders.Abstractions (2.2) - restriction: || (&& (== net46) (< net45) (>= netstandard2.0)) (&& (== net462) (< net45) (>= netstandard2.0)) (== netcoreapp2.1) (== netcoreapp2.2) (== netstandard2.0)
      Microsoft.Extensions.Primitives (>= 2.2) - restriction: || (&& (== net46) (>= netstandard2.0)) (&& (== net462) (>= netstandard2.0)) (== netcoreapp2.1) (== netcoreapp2.2) (== netstandard2.0)
    Microsoft.Extensions.Hosting.Abstractions (2.2) - restriction: || (&& (== net46) (< net45) (>= netstandard2.0)) (&& (== net462) (< net45) (>= netstandard2.0)) (== netcoreapp2.1) (== netcoreapp2.2) (== netstandard2.0)
      Microsoft.Extensions.Configuration.Abstractions (>= 2.2) - restriction: || (&& (== net46) (>= netstandard2.0)) (&& (== net462) (>= netstandard2.0)) (== netcoreapp2.1) (== netcoreapp2.2) (== netstandard2.0)
      Microsoft.Extensions.DependencyInjection.Abstractions (>= 2.2) - restriction: || (&& (== net46) (>= netstandard2.0)) (&& (== net462) (>= netstandard2.0)) (== netcoreapp2.1) (== netcoreapp2.2) (== netstandard2.0)
      Microsoft.Extensions.FileProviders.Abstractions (>= 2.2) - restriction: || (&& (== net46) (>= netstandard2.0)) (&& (== net462) (>= netstandard2.0)) (== netcoreapp2.1) (== netcoreapp2.2) (== netstandard2.0)
      Microsoft.Extensions.Logging.Abstractions (>= 2.2) - restriction: || (&& (== net46) (>= netstandard2.0)) (&& (== net462) (>= netstandard2.0)) (== netcoreapp2.1) (== netcoreapp2.2) (== netstandard2.0)
    Microsoft.Extensions.Logging (2.2)
      Microsoft.Extensions.Configuration.Binder (>= 2.2) - restriction: || (&& (== net46) (>= netstandard2.0)) (&& (== net462) (>= netstandard2.0)) (== netcoreapp2.1) (== netcoreapp2.2) (== netstandard2.0)
      Microsoft.Extensions.DependencyInjection.Abstractions (>= 2.2) - restriction: || (&& (== net46) (>= netstandard2.0)) (&& (== net462) (>= netstandard2.0)) (== netcoreapp2.1) (== netcoreapp2.2) (== netstandard2.0)
      Microsoft.Extensions.Logging.Abstractions (>= 2.2) - restriction: || (&& (== net46) (>= netstandard2.0)) (&& (== net462) (>= netstandard2.0)) (== netcoreapp2.1) (== netcoreapp2.2) (== netstandard2.0)
      Microsoft.Extensions.Options (>= 2.2) - restriction: || (&& (== net46) (>= netstandard2.0)) (&& (== net462) (>= netstandard2.0)) (== netcoreapp2.1) (== netcoreapp2.2) (== netstandard2.0)
    Microsoft.Extensions.Logging.Abstractions (2.2)
    Microsoft.Extensions.ObjectPool (2.2) - restriction: || (&& (== net46) (< net45) (>= netstandard2.0)) (&& (== net462) (< net45) (>= netstandard2.0)) (== netcoreapp2.1) (== netcoreapp2.2) (== netstandard2.0)
    Microsoft.Extensions.Options (2.2) - restriction: || (&& (== net46) (>= netstandard2.0)) (&& (== net462) (>= netstandard2.0)) (== netcoreapp2.1) (== netcoreapp2.2) (== netstandard2.0)
      Microsoft.Extensions.DependencyInjection.Abstractions (>= 2.2) - restriction: || (&& (== net46) (>= netstandard2.0)) (&& (== net462) (>= netstandard2.0)) (== netcoreapp2.1) (== netcoreapp2.2) (== netstandard2.0)
      Microsoft.Extensions.Primitives (>= 2.2) - restriction: || (&& (== net46) (>= netstandard2.0)) (&& (== net462) (>= netstandard2.0)) (== netcoreapp2.1) (== netcoreapp2.2) (== netstandard2.0)
      System.ComponentModel.Annotations (>= 4.5) - restriction: || (&& (== net46) (>= netstandard2.0)) (&& (== net462) (>= netstandard2.0)) (== netcoreapp2.1) (== netcoreapp2.2) (== netstandard2.0)
    Microsoft.Extensions.Primitives (2.2) - restriction: || (&& (== net46) (>= netstandard2.0)) (&& (== net462) (>= netstandard2.0)) (== netcoreapp2.1) (== netcoreapp2.2) (== netstandard2.0)
      System.Memory (>= 4.5.1) - restriction: || (&& (== net46) (>= netstandard2.0)) (&& (== net462) (>= netstandard2.0)) (== netcoreapp2.1) (== netcoreapp2.2) (== netstandard2.0)
      System.Runtime.CompilerServices.Unsafe (>= 4.5.1) - restriction: || (&& (== net46) (>= netstandard2.0)) (&& (== net462) (>= netstandard2.0)) (== netcoreapp2.1) (== netcoreapp2.2) (== netstandard2.0)
    Microsoft.Net.Http.Headers (2.2) - restriction: || (&& (== net46) (< net45) (>= netstandard2.0)) (&& (== net462) (< net45) (>= netstandard2.0)) (== netcoreapp2.1) (== netcoreapp2.2) (== netstandard2.0)
      Microsoft.Extensions.Primitives (>= 2.2) - restriction: || (&& (== net46) (>= netstandard2.0)) (&& (== net462) (>= netstandard2.0)) (== netcoreapp2.1) (== netcoreapp2.2) (== netstandard2.0)
      System.Buffers (>= 4.5) - restriction: || (&& (== net46) (>= netstandard2.0)) (&& (== net462) (>= netstandard2.0)) (== netcoreapp2.1) (== netcoreapp2.2) (== netstandard2.0)
    Microsoft.NET.Test.Sdk (16.1.1)
      Microsoft.CodeCoverage (>= 16.1.1) - restriction: || (== net46) (== net462) (== netcoreapp2.1) (== netcoreapp2.2) (&& (== netstandard2.0) (>= net45)) (&& (== netstandard2.0) (>= netcoreapp1.0))
      Microsoft.TestPlatform.TestHost (>= 16.1.1) - restriction: || (&& (== net46) (>= netcoreapp1.0)) (&& (== net462) (>= netcoreapp1.0)) (== netcoreapp2.1) (== netcoreapp2.2) (&& (== netstandard2.0) (>= netcoreapp1.0))
    Microsoft.NETCore.Platforms (2.2.1) - restriction: || (&& (== net46) (< net45)) (&& (== net46) (>= netcoreapp2.0)) (&& (== net462) (< net45)) (&& (== net462) (>= netcoreapp2.0)) (== netcoreapp2.1) (== netcoreapp2.2) (== netstandard2.0)
    Microsoft.NETCore.Targets (2.1) - restriction: || (&& (== net46) (< net45)) (&& (== net46) (>= netcoreapp1.0)) (&& (== net462) (< net45)) (&& (== net462) (>= netcoreapp1.0)) (== netcoreapp2.1) (== netcoreapp2.2) (== netstandard2.0)
    Microsoft.Owin (4.0.1) - restriction: || (== net46) (== net462) (&& (== netcoreapp2.1) (>= net45)) (&& (== netcoreapp2.2) (>= net45)) (&& (== netstandard2.0) (>= net45))
      Owin (>= 1.0)
    Microsoft.Owin.Host.SystemWeb (4.0.1) - restriction: || (== net46) (== net462) (&& (== netcoreapp2.1) (>= net45)) (&& (== netcoreapp2.2) (>= net45)) (&& (== netstandard2.0) (>= net45))
      Microsoft.Owin (>= 4.0.1)
      Owin (>= 1.0)
    Microsoft.TestPlatform.ObjectModel (16.1.1) - restriction: || (&& (== net46) (>= netcoreapp1.0)) (&& (== net462) (>= netcoreapp1.0)) (== netcoreapp2.1) (== netcoreapp2.2) (&& (== netstandard2.0) (>= netcoreapp1.0))
      NETStandard.Library (>= 1.6) - restriction: || (&& (== net46) (< net451) (>= netstandard1.5)) (&& (== net462) (< net451)) (== netcoreapp2.1) (== netcoreapp2.2) (== netstandard2.0)
      System.ComponentModel.EventBasedAsync (>= 4.0.11) - restriction: || (&& (== net46) (< net451) (>= netstandard1.5)) (&& (== net462) (< net451)) (== netcoreapp2.1) (== netcoreapp2.2) (== netstandard2.0)
      System.ComponentModel.TypeConverter (>= 4.1) - restriction: || (&& (== net46) (< net451) (>= netstandard1.4)) (&& (== net46) (< net451) (>= netstandard1.5)) (&& (== net462) (< net451)) (== netcoreapp2.1) (== netcoreapp2.2) (== netstandard2.0)
      System.Diagnostics.Process (>= 4.1) - restriction: || (&& (== net46) (< net451) (>= netstandard1.5)) (&& (== net462) (< net451)) (== netcoreapp2.1) (== netcoreapp2.2) (== netstandard2.0)
      System.Diagnostics.TextWriterTraceListener (>= 4.0) - restriction: || (&& (== net46) (< net451) (>= netstandard1.5)) (&& (== net462) (< net451)) (== netcoreapp2.1) (== netcoreapp2.2) (== netstandard2.0)
      System.Diagnostics.TraceSource (>= 4.0) - restriction: || (&& (== net46) (< net451) (>= netstandard1.5)) (&& (== net462) (< net451)) (== netcoreapp2.1) (== netcoreapp2.2) (== netstandard2.0)
      System.Reflection.Metadata (>= 1.3)
      System.Reflection.TypeExtensions (>= 4.1) - restriction: || (&& (== net46) (< net451) (>= netstandard1.5)) (&& (== net462) (< net451)) (== netcoreapp2.1) (== netcoreapp2.2) (== netstandard2.0)
      System.Runtime.InteropServices.RuntimeInformation (>= 4.0) - restriction: || (&& (== net46) (< net451) (>= netstandard1.4)) (&& (== net46) (< net451) (>= netstandard1.5)) (&& (== net462) (< net451)) (== netcoreapp2.1) (== netcoreapp2.2) (== netstandard2.0)
      System.Runtime.Loader (>= 4.0) - restriction: || (&& (== net46) (< net451) (>= netstandard1.5)) (&& (== net462) (< net451)) (== netcoreapp2.1) (== netcoreapp2.2) (== netstandard2.0)
      System.Runtime.Serialization.Json (>= 4.0.2) - restriction: || (&& (== net46) (< net451) (>= netstandard1.5)) (&& (== net462) (< net451)) (== netcoreapp2.1) (== netcoreapp2.2) (== netstandard2.0)
      System.Runtime.Serialization.Primitives (>= 4.1.1) - restriction: || (&& (== net46) (< net451) (>= netstandard1.5)) (&& (== net462) (< net451)) (== netcoreapp2.1) (== netcoreapp2.2) (== netstandard2.0)
      System.Threading.Thread (>= 4.0) - restriction: || (&& (== net46) (< net451) (>= netstandard1.5)) (&& (== net462) (< net451)) (== netcoreapp2.1) (== netcoreapp2.2) (== netstandard2.0)
      System.Xml.XPath.XmlDocument (>= 4.0.1) - restriction: || (&& (== net46) (< net451) (>= netstandard1.5)) (&& (== net462) (< net451)) (== netcoreapp2.1) (== netcoreapp2.2) (== netstandard2.0)
    Microsoft.TestPlatform.TestHost (16.1.1) - restriction: || (&& (== net46) (>= netcoreapp1.0)) (&& (== net462) (>= netcoreapp1.0)) (== netcoreapp2.1) (== netcoreapp2.2) (&& (== netstandard2.0) (>= netcoreapp1.0))
      Microsoft.Extensions.DependencyModel (>= 1.0.3) - restriction: || (&& (== net46) (>= netcoreapp1.0)) (&& (== net462) (>= netcoreapp1.0)) (== netcoreapp2.1) (== netcoreapp2.2) (&& (== netstandard2.0) (>= netcoreapp1.0))
      Microsoft.TestPlatform.ObjectModel (>= 16.1.1) - restriction: || (&& (== net46) (>= netcoreapp1.0)) (&& (== net46) (>= uap10.0)) (&& (== net462) (>= netcoreapp1.0)) (&& (== net462) (>= uap10.0)) (== netcoreapp2.1) (== netcoreapp2.2) (&& (== netstandard2.0) (>= netcoreapp1.0)) (&& (== netstandard2.0) (>= uap10.0))
      Newtonsoft.Json (>= 9.0.1) - restriction: || (&& (== net46) (>= netcoreapp1.0)) (&& (== net46) (>= uap10.0)) (&& (== net462) (>= netcoreapp1.0)) (&& (== net462) (>= uap10.0)) (== netcoreapp2.1) (== netcoreapp2.2) (&& (== netstandard2.0) (>= netcoreapp1.0)) (&& (== netstandard2.0) (>= uap10.0))
    Microsoft.Win32.Primitives (4.3) - restriction: || (&& (== net46) (>= netcoreapp1.0)) (&& (== net462) (>= netcoreapp1.0)) (== netcoreapp2.1) (== netcoreapp2.2) (&& (== netstandard2.0) (>= netcoreapp1.0))
      Microsoft.NETCore.Platforms (>= 1.1) - restriction: || (&& (== net462) (< net46)) (== netcoreapp2.1) (== netcoreapp2.2) (== netstandard2.0)
      Microsoft.NETCore.Targets (>= 1.1) - restriction: || (&& (== net462) (< net46)) (== netcoreapp2.1) (== netcoreapp2.2) (== netstandard2.0)
      System.Runtime (>= 4.3) - restriction: || (&& (== net462) (< net46)) (== netcoreapp2.1) (== netcoreapp2.2) (== netstandard2.0)
    Microsoft.Win32.Registry (4.5) - restriction: || (&& (== net46) (< net451) (>= netstandard2.0)) (&& (== net46) (>= netcoreapp1.0)) (&& (== net46) (>= netcoreapp2.0)) (&& (== net462) (< net451) (>= netstandard2.0)) (&& (== net462) (>= netcoreapp1.0)) (&& (== net462) (>= netcoreapp2.0)) (== netcoreapp2.1) (== netcoreapp2.2) (== netstandard2.0)
      System.Buffers (>= 4.4) - restriction: || (&& (== net46) (== netcoreapp2.1)) (&& (== net46) (== netcoreapp2.2)) (&& (== net46) (>= monoandroid)) (&& (== net46) (>= monotouch)) (&& (== net46) (>= xamarinios)) (&& (== net46) (>= xamarinmac)) (&& (== net46) (>= xamarintvos)) (&& (== net46) (>= xamarinwatchos)) (&& (== net462) (== netcoreapp2.1)) (&& (== net462) (== netcoreapp2.2)) (&& (== net462) (>= monoandroid)) (&& (== net462) (>= monotouch)) (&& (== net462) (< net46) (>= netstandard2.0)) (&& (== net462) (>= xamarinios)) (&& (== net462) (>= xamarinmac)) (&& (== net462) (>= xamarintvos)) (&& (== net462) (>= xamarinwatchos)) (&& (== netcoreapp2.1) (>= monoandroid) (< netstandard2.0)) (&& (== netcoreapp2.1) (>= monotouch)) (&& (== netcoreapp2.1) (< netcoreapp2.0)) (&& (== netcoreapp2.1) (>= xamarinios)) (&& (== netcoreapp2.1) (>= xamarinmac)) (&& (== netcoreapp2.1) (>= xamarintvos)) (&& (== netcoreapp2.1) (>= xamarinwatchos)) (&& (== netcoreapp2.2) (>= monoandroid) (< netstandard2.0)) (&& (== netcoreapp2.2) (>= monotouch)) (&& (== netcoreapp2.2) (< netcoreapp2.0)) (&& (== netcoreapp2.2) (>= xamarinios)) (&& (== netcoreapp2.2) (>= xamarinmac)) (&& (== netcoreapp2.2) (>= xamarintvos)) (&& (== netcoreapp2.2) (>= xamarinwatchos)) (== netstandard2.0)
      System.Memory (>= 4.5) - restriction: || (&& (== net46) (== netcoreapp2.1)) (&& (== net46) (== netcoreapp2.2)) (&& (== net46) (>= netcoreapp2.0)) (&& (== net46) (>= uap10.1)) (&& (== net462) (== netcoreapp2.1)) (&& (== net462) (== netcoreapp2.2)) (&& (== net462) (< net46) (>= netstandard2.0)) (&& (== net462) (>= netcoreapp2.0)) (&& (== net462) (>= uap10.1)) (&& (== netcoreapp2.1) (< netcoreapp2.0)) (&& (== netcoreapp2.1) (>= uap10.1)) (&& (== netcoreapp2.2) (< netcoreapp2.0)) (&& (== netcoreapp2.2) (< netcoreapp2.1)) (&& (== netcoreapp2.2) (>= uap10.1)) (== netstandard2.0)
      System.Security.AccessControl (>= 4.5) - restriction: || (&& (== net46) (>= monoandroid)) (&& (== net46) (>= monotouch)) (&& (== net46) (>= net461)) (&& (== net46) (>= netcoreapp2.0)) (&& (== net46) (>= xamarinios)) (&& (== net46) (>= xamarinmac)) (&& (== net46) (>= xamarintvos)) (&& (== net46) (>= xamarinwatchos)) (== net462) (== netcoreapp2.1) (== netcoreapp2.2) (== netstandard2.0)
      System.Security.Principal.Windows (>= 4.5) - restriction: || (&& (== net46) (>= monoandroid)) (&& (== net46) (>= monotouch)) (&& (== net46) (>= net461)) (&& (== net46) (>= netcoreapp2.0)) (&& (== net46) (>= xamarinios)) (&& (== net46) (>= xamarinmac)) (&& (== net46) (>= xamarintvos)) (&& (== net46) (>= xamarinwatchos)) (== net462) (== netcoreapp2.1) (== netcoreapp2.2) (== netstandard2.0)
    Moq (4.11)
      Castle.Core (>= 4.4)
      System.Threading.Tasks.Extensions (>= 4.5.1)
    MySqlConnector (0.56)
      System.Buffers (>= 4.4) - restriction: || (== net46) (== net462) (&& (== netcoreapp2.1) (>= net471)) (&& (== netcoreapp2.1) (< netstandard2.0)) (&& (== netcoreapp2.2) (>= net471)) (&& (== netcoreapp2.2) (< netcoreapp2.1)) (&& (== netcoreapp2.2) (< netstandard2.0)) (== netstandard2.0)
      System.Memory (>= 4.5) - restriction: || (== net46) (== net462) (&& (== netcoreapp2.1) (>= net471)) (&& (== netcoreapp2.1) (< netstandard2.0)) (&& (== netcoreapp2.2) (>= net471)) (&& (== netcoreapp2.2) (< netcoreapp2.1)) (&& (== netcoreapp2.2) (< netstandard2.0)) (== netstandard2.0)
      System.Threading.Tasks.Extensions (>= 4.3) - restriction: || (== net46) (== net462) (&& (== netcoreapp2.1) (>= net471)) (&& (== netcoreapp2.1) (< netstandard2.0)) (&& (== netcoreapp2.2) (>= net471)) (&& (== netcoreapp2.2) (< netcoreapp2.1)) (&& (== netcoreapp2.2) (< netstandard2.0)) (== netstandard2.0)
    NETStandard.Library (2.0.3) - restriction: || (&& (== net46) (< net452)) (&& (== net46) (>= netcoreapp1.0)) (&& (== net462) (< net452)) (&& (== net462) (>= netcoreapp1.0)) (== netcoreapp2.1) (== netcoreapp2.2) (== netstandard2.0)
      Microsoft.NETCore.Platforms (>= 1.1)
    Newtonsoft.Json (12.0.2)
    Owin (1.0) - restriction: || (== net46) (== net462) (&& (== netcoreapp2.1) (>= net45) (< netstandard1.3)) (&& (== netcoreapp2.1) (>= net46)) (&& (== netcoreapp2.2) (>= net45) (< netstandard1.3)) (&& (== netcoreapp2.2) (>= net46)) (&& (== netstandard2.0) (>= net45) (< netstandard1.3)) (&& (== netstandard2.0) (>= net46))
    runtime.native.System (4.3.1) - restriction: || (&& (== net46) (< net35)) (&& (== net46) (>= netcoreapp1.0)) (&& (== net462) (< net35)) (&& (== net462) (>= netcoreapp1.0)) (== netcoreapp2.1) (== netcoreapp2.2) (== netstandard2.0)
      Microsoft.NETCore.Platforms (>= 1.1.1)
      Microsoft.NETCore.Targets (>= 1.1.3)
    runtime.native.System.Data.SqlClient.sni (4.5) - restriction: || (&& (== net46) (< net451) (>= netstandard2.0)) (&& (== net46) (>= netcoreapp2.0)) (&& (== net462) (< net451) (>= netstandard2.0)) (&& (== net462) (>= netcoreapp2.0)) (== netcoreapp2.1) (== netcoreapp2.2) (== netstandard2.0)
      runtime.win-arm64.runtime.native.System.Data.SqlClient.sni (>= 4.4)
      runtime.win-x64.runtime.native.System.Data.SqlClient.sni (>= 4.4)
      runtime.win-x86.runtime.native.System.Data.SqlClient.sni (>= 4.4)
    runtime.win-arm64.runtime.native.System.Data.SqlClient.sni (4.4) - restriction: || (&& (== net46) (< net451) (>= netstandard2.0)) (&& (== net46) (>= netcoreapp2.0)) (&& (== net462) (< net451) (>= netstandard2.0)) (&& (== net462) (>= netcoreapp2.0)) (== netcoreapp2.1) (== netcoreapp2.2) (== netstandard2.0)
    runtime.win-x64.runtime.native.System.Data.SqlClient.sni (4.4) - restriction: || (&& (== net46) (< net451) (>= netstandard2.0)) (&& (== net46) (>= netcoreapp2.0)) (&& (== net462) (< net451) (>= netstandard2.0)) (&& (== net462) (>= netcoreapp2.0)) (== netcoreapp2.1) (== netcoreapp2.2) (== netstandard2.0)
    runtime.win-x86.runtime.native.System.Data.SqlClient.sni (4.4) - restriction: || (&& (== net46) (< net451) (>= netstandard2.0)) (&& (== net46) (>= netcoreapp2.0)) (&& (== net462) (< net451) (>= netstandard2.0)) (&& (== net462) (>= netcoreapp2.0)) (== netcoreapp2.1) (== netcoreapp2.2) (== netstandard2.0)
    System.AppContext (4.3) - restriction: || (&& (== net46) (>= netcoreapp1.0)) (&& (== net462) (>= netcoreapp1.0)) (== netcoreapp2.1) (== netcoreapp2.2) (&& (== netstandard2.0) (>= netcoreapp1.0))
      System.Runtime (>= 4.3) - restriction: || (&& (== net462) (< net46)) (== netcoreapp2.1) (== netcoreapp2.2) (== netstandard2.0)
    System.Buffers (4.5)
    System.Collections (4.3) - restriction: || (&& (== net46) (< net35)) (&& (== net46) (>= netcoreapp1.0)) (&& (== net462) (< net35)) (&& (== net462) (>= netcoreapp1.0)) (== netcoreapp2.1) (== netcoreapp2.2) (== netstandard2.0)
      Microsoft.NETCore.Platforms (>= 1.1) - restriction: || (&& (== net46) (< net45)) (&& (== net462) (< net45)) (== netcoreapp2.1) (== netcoreapp2.2) (== netstandard2.0)
      Microsoft.NETCore.Targets (>= 1.1) - restriction: || (&& (== net46) (< net45)) (&& (== net462) (< net45)) (== netcoreapp2.1) (== netcoreapp2.2) (== netstandard2.0)
      System.Runtime (>= 4.3) - restriction: || (&& (== net46) (< net45)) (&& (== net462) (< net45)) (== netcoreapp2.1) (== netcoreapp2.2) (== netstandard2.0)
    System.Collections.Concurrent (4.3) - restriction: || (&& (== net46) (>= netcoreapp1.0)) (&& (== net462) (>= netcoreapp1.0)) (== netcoreapp2.1) (== netcoreapp2.2) (&& (== netstandard2.0) (>= netcoreapp1.0))
      System.Collections (>= 4.3) - restriction: || (&& (== net46) (< net45)) (&& (== net462) (< net45)) (== netcoreapp2.1) (== netcoreapp2.2) (== netstandard2.0)
      System.Diagnostics.Debug (>= 4.3) - restriction: || (&& (== net46) (< net45)) (&& (== net462) (< net45)) (== netcoreapp2.1) (== netcoreapp2.2) (== netstandard2.0)
      System.Diagnostics.Tracing (>= 4.3) - restriction: || (&& (== net46) (< net45)) (&& (== net462) (< net45)) (== netcoreapp2.1) (== netcoreapp2.2) (== netstandard2.0)
      System.Globalization (>= 4.3) - restriction: || (&& (== net46) (< net45)) (&& (== net462) (< net45)) (== netcoreapp2.1) (== netcoreapp2.2) (== netstandard2.0)
      System.Reflection (>= 4.3) - restriction: || (&& (== net46) (< net45)) (&& (== net462) (< net45)) (== netcoreapp2.1) (== netcoreapp2.2) (== netstandard2.0)
      System.Resources.ResourceManager (>= 4.3) - restriction: || (&& (== net46) (< net45)) (&& (== net462) (< net45)) (== netcoreapp2.1) (== netcoreapp2.2) (== netstandard2.0)
      System.Runtime (>= 4.3) - restriction: || (&& (== net46) (< net45)) (&& (== net462) (< net45)) (== netcoreapp2.1) (== netcoreapp2.2) (== netstandard2.0)
      System.Runtime.Extensions (>= 4.3) - restriction: || (&& (== net46) (< net45)) (&& (== net462) (< net45)) (== netcoreapp2.1) (== netcoreapp2.2) (== netstandard2.0)
      System.Threading (>= 4.3) - restriction: || (&& (== net46) (< net45)) (&& (== net462) (< net45)) (== netcoreapp2.1) (== netcoreapp2.2) (== netstandard2.0)
      System.Threading.Tasks (>= 4.3) - restriction: || (&& (== net46) (< net45)) (&& (== net462) (< net45)) (== netcoreapp2.1) (== netcoreapp2.2) (== netstandard2.0)
    System.Collections.NonGeneric (4.3) - restriction: || (&& (== net46) (< net35)) (&& (== net462) (< net35)) (== netcoreapp2.1) (== netcoreapp2.2) (== netstandard2.0)
      System.Diagnostics.Debug (>= 4.3) - restriction: || (&& (== net462) (< net46)) (== netcoreapp2.1) (== netcoreapp2.2) (== netstandard2.0)
      System.Globalization (>= 4.3) - restriction: || (&& (== net462) (< net46)) (== netcoreapp2.1) (== netcoreapp2.2) (== netstandard2.0)
      System.Resources.ResourceManager (>= 4.3) - restriction: || (&& (== net462) (< net46)) (== netcoreapp2.1) (== netcoreapp2.2) (== netstandard2.0)
      System.Runtime (>= 4.3) - restriction: || (&& (== net462) (< net46)) (== netcoreapp2.1) (== netcoreapp2.2) (== netstandard2.0)
      System.Runtime.Extensions (>= 4.3) - restriction: || (&& (== net462) (< net46)) (== netcoreapp2.1) (== netcoreapp2.2) (== netstandard2.0)
      System.Threading (>= 4.3) - restriction: || (&& (== net462) (< net46)) (== netcoreapp2.1) (== netcoreapp2.2) (== netstandard2.0)
    System.Collections.Specialized (4.3) - restriction: || (&& (== net46) (< net35)) (&& (== net462) (< net35)) (== netcoreapp2.1) (== netcoreapp2.2) (== netstandard2.0)
      System.Collections.NonGeneric (>= 4.3) - restriction: || (&& (== net462) (< net46)) (== netcoreapp2.1) (== netcoreapp2.2) (== netstandard2.0)
      System.Globalization (>= 4.3) - restriction: || (&& (== net462) (< net46)) (== netcoreapp2.1) (== netcoreapp2.2) (== netstandard2.0)
      System.Globalization.Extensions (>= 4.3) - restriction: || (&& (== net462) (< net46)) (== netcoreapp2.1) (== netcoreapp2.2) (== netstandard2.0)
      System.Resources.ResourceManager (>= 4.3) - restriction: || (&& (== net462) (< net46)) (== netcoreapp2.1) (== netcoreapp2.2) (== netstandard2.0)
      System.Runtime (>= 4.3) - restriction: || (&& (== net462) (< net46)) (== netcoreapp2.1) (== netcoreapp2.2) (== netstandard2.0)
      System.Runtime.Extensions (>= 4.3) - restriction: || (&& (== net462) (< net46)) (== netcoreapp2.1) (== netcoreapp2.2) (== netstandard2.0)
      System.Threading (>= 4.3) - restriction: || (&& (== net462) (< net46)) (== netcoreapp2.1) (== netcoreapp2.2) (== netstandard2.0)
    System.ComponentModel (4.3) - restriction: || (&& (== net46) (< net35)) (&& (== net462) (< net35)) (== netcoreapp2.1) (== netcoreapp2.2) (== netstandard2.0)
      System.Runtime (>= 4.3) - restriction: || (&& (== net46) (< net45)) (&& (== net462) (< net45)) (== netcoreapp2.1) (== netcoreapp2.2) (== netstandard2.0)
    System.ComponentModel.Annotations (4.5) - restriction: || (&& (== net46) (>= netstandard2.0)) (&& (== net462) (>= netstandard2.0)) (== netcoreapp2.1) (== netcoreapp2.2) (== netstandard2.0)
    System.ComponentModel.EventBasedAsync (4.3) - restriction: || (&& (== net46) (>= netcoreapp1.0)) (&& (== net462) (>= netcoreapp1.0)) (== netcoreapp2.1) (== netcoreapp2.2) (&& (== netstandard2.0) (>= netcoreapp1.0))
      System.Resources.ResourceManager (>= 4.3) - restriction: || (&& (== net46) (< net45)) (&& (== net462) (< net45)) (== netcoreapp2.1) (== netcoreapp2.2) (== netstandard2.0)
      System.Runtime (>= 4.3) - restriction: || (&& (== net46) (< net45)) (&& (== net462) (< net45)) (== netcoreapp2.1) (== netcoreapp2.2) (== netstandard2.0)
      System.Threading (>= 4.3) - restriction: || (&& (== net46) (< net45)) (&& (== net462) (< net45)) (== netcoreapp2.1) (== netcoreapp2.2) (== netstandard2.0)
      System.Threading.Tasks (>= 4.3) - restriction: || (&& (== net46) (< net45)) (&& (== net462) (< net45)) (== netcoreapp2.1) (== netcoreapp2.2) (== netstandard2.0)
    System.ComponentModel.Primitives (4.3) - restriction: || (&& (== net46) (< net35)) (&& (== net46) (< netstandard1.0) (>= win8)) (&& (== net46) (>= wp8)) (&& (== net46) (>= wpa81)) (&& (== net462) (< net35)) (&& (== net462) (< netstandard1.0) (>= win8)) (&& (== net462) (>= wp8)) (&& (== net462) (>= wpa81)) (== netcoreapp2.1) (== netcoreapp2.2) (== netstandard2.0)
      System.ComponentModel (>= 4.3) - restriction: || (&& (== net46) (< net45)) (&& (== net462) (< net45)) (== netcoreapp2.1) (== netcoreapp2.2) (== netstandard2.0)
      System.Resources.ResourceManager (>= 4.3) - restriction: || (&& (== net46) (< net45)) (&& (== net462) (< net45)) (== netcoreapp2.1) (== netcoreapp2.2) (== netstandard2.0)
      System.Runtime (>= 4.3) - restriction: || (&& (== net46) (< net45)) (&& (== net462) (< net45)) (== netcoreapp2.1) (== netcoreapp2.2) (== netstandard2.0)
    System.ComponentModel.TypeConverter (4.3) - restriction: || (&& (== net46) (< net35)) (&& (== net46) (>= netcoreapp1.0)) (&& (== net462) (< net35)) (&& (== net462) (>= netcoreapp1.0)) (== netcoreapp2.1) (== netcoreapp2.2) (== netstandard2.0)
      System.Collections (>= 4.3) - restriction: || (&& (== net46) (< net45)) (&& (== net462) (< net45)) (== netcoreapp2.1) (== netcoreapp2.2) (== netstandard2.0)
      System.Collections.NonGeneric (>= 4.3) - restriction: || (&& (== net46) (< net45) (>= netstandard1.5)) (&& (== net46) (>= net462)) (== net462) (== netcoreapp2.1) (== netcoreapp2.2) (== netstandard2.0)
      System.Collections.Specialized (>= 4.3) - restriction: || (&& (== net46) (< net45) (>= netstandard1.5)) (&& (== net462) (< net45)) (== netcoreapp2.1) (== netcoreapp2.2) (== netstandard2.0)
      System.ComponentModel (>= 4.3) - restriction: || (&& (== net46) (< net45)) (&& (== net462) (< net45)) (== netcoreapp2.1) (== netcoreapp2.2) (== netstandard2.0)
      System.ComponentModel.Primitives (>= 4.3)
      System.Globalization (>= 4.3) - restriction: || (&& (== net46) (< net45)) (&& (== net462) (< net45)) (== netcoreapp2.1) (== netcoreapp2.2) (== netstandard2.0)
      System.Linq (>= 4.3) - restriction: || (&& (== net46) (< net45) (>= netstandard1.5)) (&& (== net462) (< net45)) (== netcoreapp2.1) (== netcoreapp2.2) (== netstandard2.0)
      System.Reflection (>= 4.3) - restriction: || (&& (== net46) (< net45)) (&& (== net462) (< net45)) (== netcoreapp2.1) (== netcoreapp2.2) (== netstandard2.0)
      System.Reflection.Extensions (>= 4.3) - restriction: || (&& (== net46) (< net45)) (&& (== net462) (< net45)) (== netcoreapp2.1) (== netcoreapp2.2) (== netstandard2.0)
      System.Reflection.Primitives (>= 4.3) - restriction: || (&& (== net46) (< net45)) (&& (== net462) (< net45)) (== netcoreapp2.1) (== netcoreapp2.2) (== netstandard2.0)
      System.Reflection.TypeExtensions (>= 4.3) - restriction: || (&& (== net46) (< net45) (>= netstandard1.5)) (&& (== net462) (< net45)) (== netcoreapp2.1) (== netcoreapp2.2) (== netstandard2.0)
      System.Resources.ResourceManager (>= 4.3) - restriction: || (&& (== net46) (< net45)) (&& (== net462) (< net45)) (== netcoreapp2.1) (== netcoreapp2.2) (== netstandard2.0)
      System.Runtime (>= 4.3) - restriction: || (&& (== net46) (< net45)) (&& (== net462) (< net45)) (== netcoreapp2.1) (== netcoreapp2.2) (== netstandard2.0)
      System.Runtime.Extensions (>= 4.3) - restriction: || (&& (== net46) (< net45)) (&& (== net462) (< net45)) (== netcoreapp2.1) (== netcoreapp2.2) (== netstandard2.0)
      System.Threading (>= 4.3) - restriction: || (&& (== net46) (< net45)) (&& (== net462) (< net45)) (== netcoreapp2.1) (== netcoreapp2.2) (== netstandard2.0)
    System.Data.SqlClient (4.6.1) - restriction: || (&& (== net46) (< net451)) (&& (== net462) (< net451)) (== netcoreapp2.1) (== netcoreapp2.2) (== netstandard2.0)
      Microsoft.Win32.Registry (>= 4.5) - restriction: || (&& (== net46) (< net451) (>= netstandard2.0)) (&& (== net46) (>= netcoreapp2.0)) (&& (== net462) (< net451) (>= netstandard2.0)) (&& (== net462) (>= netcoreapp2.0)) (== netcoreapp2.1) (== netcoreapp2.2) (== netstandard2.0)
      runtime.native.System.Data.SqlClient.sni (>= 4.5) - restriction: || (&& (== net46) (< net451) (>= netstandard2.0)) (&& (== net46) (>= netcoreapp2.0)) (&& (== net462) (< net451) (>= netstandard2.0)) (&& (== net462) (>= netcoreapp2.0)) (== netcoreapp2.1) (== netcoreapp2.2) (== netstandard2.0)
      System.Buffers (>= 4.4) - restriction: || (&& (== net46) (== netcoreapp2.1)) (&& (== net46) (== netcoreapp2.2)) (&& (== net46) (< net451) (>= netstandard2.0)) (&& (== net462) (== netcoreapp2.1)) (&& (== net462) (== netcoreapp2.2)) (&& (== net462) (< net451) (>= netstandard2.0)) (&& (== netcoreapp2.1) (< netcoreapp2.0)) (&& (== netcoreapp2.2) (< netcoreapp2.0)) (== netstandard2.0)
      System.Diagnostics.DiagnosticSource (>= 4.5) - restriction: || (&& (== net46) (== netcoreapp2.1)) (&& (== net46) (== netcoreapp2.2)) (&& (== net46) (< net451) (>= netstandard2.0)) (&& (== net46) (>= netcoreapp2.0)) (&& (== net46) (>= uap10.1)) (&& (== net462) (== netcoreapp2.1)) (&& (== net462) (== netcoreapp2.2)) (&& (== net462) (< net451) (>= netstandard2.0)) (&& (== net462) (>= netcoreapp2.0)) (&& (== net462) (>= uap10.1)) (&& (== netcoreapp2.1) (< netcoreapp2.0)) (&& (== netcoreapp2.1) (>= uap10.1)) (&& (== netcoreapp2.2) (< netcoreapp2.0)) (&& (== netcoreapp2.2) (< netcoreapp2.1)) (&& (== netcoreapp2.2) (>= uap10.1)) (== netstandard2.0)
      System.Memory (>= 4.5.1) - restriction: || (&& (== net46) (== netcoreapp2.1)) (&& (== net46) (== netcoreapp2.2)) (&& (== net46) (< net451) (>= netstandard2.0)) (&& (== net46) (>= netcoreapp2.0)) (&& (== net46) (>= uap10.1)) (&& (== net462) (== netcoreapp2.1)) (&& (== net462) (== netcoreapp2.2)) (&& (== net462) (< net451) (>= netstandard2.0)) (&& (== net462) (>= netcoreapp2.0)) (&& (== net462) (>= uap10.1)) (&& (== netcoreapp2.1) (< netcoreapp2.0)) (&& (== netcoreapp2.1) (>= uap10.1)) (&& (== netcoreapp2.2) (< netcoreapp2.0)) (&& (== netcoreapp2.2) (< netcoreapp2.1)) (&& (== netcoreapp2.2) (>= uap10.1)) (== netstandard2.0)
      System.Security.Principal.Windows (>= 4.5) - restriction: || (&& (== net46) (< net451) (>= netstandard2.0)) (&& (== net46) (>= netcoreapp2.0)) (&& (== net462) (< net451) (>= netstandard2.0)) (&& (== net462) (>= netcoreapp2.0)) (== netcoreapp2.1) (== netcoreapp2.2) (== netstandard2.0)
      System.Text.Encoding.CodePages (>= 4.5) - restriction: || (&& (== net46) (< net451) (>= netstandard2.0)) (&& (== net46) (>= netcoreapp2.0)) (&& (== net462) (< net451) (>= netstandard2.0)) (&& (== net462) (>= netcoreapp2.0)) (== netcoreapp2.1) (== netcoreapp2.2) (== netstandard2.0)
    System.Diagnostics.Debug (4.3) - restriction: || (&& (== net46) (< net35)) (&& (== net46) (>= netcoreapp1.0)) (&& (== net462) (< net35)) (&& (== net462) (>= netcoreapp1.0)) (== netcoreapp2.1) (== netcoreapp2.2) (== netstandard2.0)
      Microsoft.NETCore.Platforms (>= 1.1) - restriction: || (&& (== net46) (< net45)) (&& (== net462) (< net45)) (== netcoreapp2.1) (== netcoreapp2.2) (== netstandard2.0)
      Microsoft.NETCore.Targets (>= 1.1) - restriction: || (&& (== net46) (< net45)) (&& (== net462) (< net45)) (== netcoreapp2.1) (== netcoreapp2.2) (== netstandard2.0)
      System.Runtime (>= 4.3) - restriction: || (&& (== net46) (< net45)) (&& (== net462) (< net45)) (== netcoreapp2.1) (== netcoreapp2.2) (== netstandard2.0)
    System.Diagnostics.DiagnosticSource (4.5.1) - restriction: || (&& (== net46) (== netcoreapp2.1)) (&& (== net46) (== netcoreapp2.2)) (&& (== net46) (< net451) (>= netstandard2.0)) (&& (== net46) (>= netcoreapp2.0)) (&& (== net46) (>= uap10.1)) (&& (== net462) (== netcoreapp2.1)) (&& (== net462) (== netcoreapp2.2)) (&& (== net462) (< net451) (>= netstandard2.0)) (&& (== net462) (>= netcoreapp2.0)) (&& (== net462) (>= uap10.1)) (&& (== netcoreapp2.1) (< netcoreapp2.0)) (&& (== netcoreapp2.1) (>= uap10.1)) (&& (== netcoreapp2.2) (< netcoreapp2.0)) (&& (== netcoreapp2.2) (< netcoreapp2.1)) (&& (== netcoreapp2.2) (>= uap10.1)) (== netstandard2.0)
    System.Diagnostics.Process (4.3) - restriction: || (&& (== net46) (>= netcoreapp1.0)) (&& (== net462) (>= netcoreapp1.0)) (== netcoreapp2.1) (== netcoreapp2.2) (&& (== netstandard2.0) (>= netcoreapp1.0))
      Microsoft.NETCore.Platforms (>= 1.1) - restriction: || (&& (== net462) (< net46)) (== netcoreapp2.1) (== netcoreapp2.2) (== netstandard2.0)
      Microsoft.Win32.Primitives (>= 4.3) - restriction: || (&& (== net462) (< net46)) (== netcoreapp2.1) (== netcoreapp2.2) (== netstandard2.0)
      Microsoft.Win32.Registry (>= 4.3) - restriction: || (&& (== net462) (< net46)) (== netcoreapp2.1) (== netcoreapp2.2) (== netstandard2.0)
      runtime.native.System (>= 4.3) - restriction: || (&& (== net462) (< net46)) (== netcoreapp2.1) (== netcoreapp2.2) (== netstandard2.0)
      System.Collections (>= 4.3) - restriction: || (&& (== net462) (< net46)) (== netcoreapp2.1) (== netcoreapp2.2) (== netstandard2.0)
      System.Diagnostics.Debug (>= 4.3) - restriction: || (&& (== net462) (< net46)) (== netcoreapp2.1) (== netcoreapp2.2) (== netstandard2.0)
      System.Globalization (>= 4.3) - restriction: || (&& (== net462) (< net46)) (== netcoreapp2.1) (== netcoreapp2.2) (== netstandard2.0)
      System.IO (>= 4.3) - restriction: || (&& (== net462) (< net46)) (== netcoreapp2.1) (== netcoreapp2.2) (== netstandard2.0)
      System.IO.FileSystem (>= 4.3) - restriction: || (&& (== net462) (< net46)) (== netcoreapp2.1) (== netcoreapp2.2) (== netstandard2.0)
      System.IO.FileSystem.Primitives (>= 4.3) - restriction: || (&& (== net462) (< net46)) (== netcoreapp2.1) (== netcoreapp2.2) (== netstandard2.0)
      System.Resources.ResourceManager (>= 4.3) - restriction: || (&& (== net462) (< net46)) (== netcoreapp2.1) (== netcoreapp2.2) (== netstandard2.0)
      System.Runtime (>= 4.3) - restriction: || (&& (== net462) (< net46)) (== netcoreapp2.1) (== netcoreapp2.2) (== netstandard2.0)
      System.Runtime.Extensions (>= 4.3) - restriction: || (&& (== net462) (< net46)) (== netcoreapp2.1) (== netcoreapp2.2) (== netstandard2.0)
      System.Runtime.Handles (>= 4.3) - restriction: || (&& (== net462) (< net46)) (== netcoreapp2.1) (== netcoreapp2.2) (== netstandard2.0)
      System.Runtime.InteropServices (>= 4.3) - restriction: || (&& (== net462) (< net46)) (== netcoreapp2.1) (== netcoreapp2.2) (== netstandard2.0)
      System.Text.Encoding (>= 4.3) - restriction: || (&& (== net462) (< net46)) (== netcoreapp2.1) (== netcoreapp2.2) (== netstandard2.0)
      System.Text.Encoding.Extensions (>= 4.3) - restriction: || (&& (== net462) (< net46)) (== netcoreapp2.1) (== netcoreapp2.2) (== netstandard2.0)
      System.Threading (>= 4.3) - restriction: || (&& (== net462) (< net46)) (== netcoreapp2.1) (== netcoreapp2.2) (== netstandard2.0)
      System.Threading.Tasks (>= 4.3) - restriction: || (&& (== net462) (< net46)) (== netcoreapp2.1) (== netcoreapp2.2) (== netstandard2.0)
      System.Threading.Thread (>= 4.3) - restriction: || (&& (== net462) (< net46)) (== netcoreapp2.1) (== netcoreapp2.2) (== netstandard2.0)
      System.Threading.ThreadPool (>= 4.3) - restriction: || (&& (== net462) (< net46)) (== netcoreapp2.1) (== netcoreapp2.2) (== netstandard2.0)
    System.Diagnostics.TextWriterTraceListener (4.3) - restriction: || (&& (== net46) (>= netcoreapp1.0)) (&& (== net462) (>= netcoreapp1.0)) (== netcoreapp2.1) (== netcoreapp2.2) (&& (== netstandard2.0) (>= netcoreapp1.0))
      System.Diagnostics.TraceSource (>= 4.3)
      System.Globalization (>= 4.3) - restriction: || (&& (== net462) (< net46)) (== netcoreapp2.1) (== netcoreapp2.2) (== netstandard2.0)
      System.IO (>= 4.3) - restriction: || (&& (== net462) (< net46)) (== netcoreapp2.1) (== netcoreapp2.2) (== netstandard2.0)
      System.Resources.ResourceManager (>= 4.3) - restriction: || (&& (== net462) (< net46)) (== netcoreapp2.1) (== netcoreapp2.2) (== netstandard2.0)
      System.Runtime (>= 4.3) - restriction: || (&& (== net462) (< net46)) (== netcoreapp2.1) (== netcoreapp2.2) (== netstandard2.0)
      System.Threading (>= 4.3) - restriction: || (&& (== net462) (< net46)) (== netcoreapp2.1) (== netcoreapp2.2) (== netstandard2.0)
    System.Diagnostics.Tools (4.3) - restriction: || (&& (== net46) (>= netcoreapp1.0)) (&& (== net462) (>= netcoreapp1.0)) (== netcoreapp2.1) (== netcoreapp2.2) (&& (== netstandard2.0) (>= netcoreapp1.0))
      Microsoft.NETCore.Platforms (>= 1.1) - restriction: || (&& (== net46) (< net45)) (&& (== net462) (< net45)) (== netcoreapp2.1) (== netcoreapp2.2) (== netstandard2.0)
      Microsoft.NETCore.Targets (>= 1.1) - restriction: || (&& (== net46) (< net45)) (&& (== net462) (< net45)) (== netcoreapp2.1) (== netcoreapp2.2) (== netstandard2.0)
      System.Runtime (>= 4.3) - restriction: || (&& (== net46) (< net45)) (&& (== net462) (< net45)) (== netcoreapp2.1) (== netcoreapp2.2) (== netstandard2.0)
    System.Diagnostics.TraceSource (4.3) - restriction: || (&& (== net46) (< net35)) (&& (== net46) (>= netcoreapp1.0)) (&& (== net462) (< net35)) (&& (== net462) (>= netcoreapp1.0)) (== netcoreapp2.1) (== netcoreapp2.2) (== netstandard2.0)
      Microsoft.NETCore.Platforms (>= 1.1) - restriction: || (&& (== net462) (< net46)) (== netcoreapp2.1) (== netcoreapp2.2) (== netstandard2.0)
      runtime.native.System (>= 4.3) - restriction: || (&& (== net462) (< net46)) (== netcoreapp2.1) (== netcoreapp2.2) (== netstandard2.0)
      System.Collections (>= 4.3) - restriction: || (&& (== net462) (< net46)) (== netcoreapp2.1) (== netcoreapp2.2) (== netstandard2.0)
      System.Diagnostics.Debug (>= 4.3) - restriction: || (&& (== net462) (< net46)) (== netcoreapp2.1) (== netcoreapp2.2) (== netstandard2.0)
      System.Globalization (>= 4.3) - restriction: || (&& (== net462) (< net46)) (== netcoreapp2.1) (== netcoreapp2.2) (== netstandard2.0)
      System.Resources.ResourceManager (>= 4.3) - restriction: || (&& (== net462) (< net46)) (== netcoreapp2.1) (== netcoreapp2.2) (== netstandard2.0)
      System.Runtime (>= 4.3) - restriction: || (&& (== net462) (< net46)) (== netcoreapp2.1) (== netcoreapp2.2) (== netstandard2.0)
      System.Runtime.Extensions (>= 4.3) - restriction: || (&& (== net462) (< net46)) (== netcoreapp2.1) (== netcoreapp2.2) (== netstandard2.0)
      System.Threading (>= 4.3) - restriction: || (&& (== net462) (< net46)) (== netcoreapp2.1) (== netcoreapp2.2) (== netstandard2.0)
    System.Diagnostics.Tracing (4.3) - restriction: || (&& (== net46) (>= netcoreapp1.0)) (&& (== net462) (>= netcoreapp1.0)) (== netcoreapp2.1) (== netcoreapp2.2) (&& (== netstandard2.0) (>= netcoreapp1.0))
      Microsoft.NETCore.Platforms (>= 1.1) - restriction: || (&& (== net46) (< net45)) (&& (== net462) (< net45)) (== netcoreapp2.1) (== netcoreapp2.2) (== netstandard2.0)
      Microsoft.NETCore.Targets (>= 1.1) - restriction: || (&& (== net46) (< net45)) (&& (== net462) (< net45)) (== netcoreapp2.1) (== netcoreapp2.2) (== netstandard2.0)
      System.Runtime (>= 4.3) - restriction: || (&& (== net46) (< net45)) (&& (== net462) (< net45)) (== netcoreapp2.1) (== netcoreapp2.2) (== netstandard2.0)
    System.Dynamic.Runtime (4.3) - restriction: || (&& (== net46) (< net35)) (&& (== net46) (>= netcoreapp1.0)) (&& (== net462) (< net35)) (&& (== net462) (>= netcoreapp1.0)) (== netcoreapp2.1) (== netcoreapp2.2) (== netstandard2.0)
      System.Collections (>= 4.3) - restriction: || (&& (== net46) (< net45)) (&& (== net462) (< net45)) (== netcoreapp2.1) (== netcoreapp2.2) (== netstandard2.0)
      System.Diagnostics.Debug (>= 4.3) - restriction: || (&& (== net46) (< net45)) (&& (== net462) (< net45)) (== netcoreapp2.1) (== netcoreapp2.2) (== netstandard2.0)
      System.Linq (>= 4.3) - restriction: || (&& (== net46) (< net45)) (&& (== net462) (< net45)) (== netcoreapp2.1) (== netcoreapp2.2) (== netstandard2.0)
      System.Linq.Expressions (>= 4.3) - restriction: || (&& (== net46) (< net45)) (&& (== net462) (< net45)) (== netcoreapp2.1) (== netcoreapp2.2) (== netstandard2.0)
      System.ObjectModel (>= 4.3) - restriction: || (&& (== net46) (< net45)) (&& (== net462) (< net45)) (== netcoreapp2.1) (== netcoreapp2.2) (== netstandard2.0)
      System.Reflection (>= 4.3) - restriction: || (&& (== net46) (< net45)) (&& (== net462) (< net45)) (== netcoreapp2.1) (== netcoreapp2.2) (== netstandard2.0)
      System.Reflection.Emit (>= 4.3) - restriction: || (&& (== net46) (< net45)) (&& (== net462) (< net45)) (== netcoreapp2.1) (== netcoreapp2.2) (== netstandard2.0)
      System.Reflection.Emit.ILGeneration (>= 4.3) - restriction: || (&& (== net46) (< net45)) (&& (== net462) (< net45)) (== netcoreapp2.1) (== netcoreapp2.2) (== netstandard2.0)
      System.Reflection.Primitives (>= 4.3) - restriction: || (&& (== net46) (< net45)) (&& (== net462) (< net45)) (== netcoreapp2.1) (== netcoreapp2.2) (== netstandard2.0)
      System.Reflection.TypeExtensions (>= 4.3) - restriction: || (&& (== net46) (< net45)) (&& (== net462) (< net45)) (== netcoreapp2.1) (== netcoreapp2.2) (== netstandard2.0)
      System.Resources.ResourceManager (>= 4.3) - restriction: || (&& (== net46) (< net45)) (&& (== net462) (< net45)) (== netcoreapp2.1) (== netcoreapp2.2) (== netstandard2.0)
      System.Runtime (>= 4.3) - restriction: || (&& (== net46) (< net45)) (&& (== net462) (< net45)) (== netcoreapp2.1) (== netcoreapp2.2) (== netstandard2.0)
      System.Runtime.Extensions (>= 4.3) - restriction: || (&& (== net46) (< net45)) (&& (== net462) (< net45)) (== netcoreapp2.1) (== netcoreapp2.2) (== netstandard2.0)
      System.Threading (>= 4.3) - restriction: || (&& (== net46) (< net45)) (&& (== net462) (< net45)) (== netcoreapp2.1) (== netcoreapp2.2) (== netstandard2.0)
    System.Globalization (4.3) - restriction: || (&& (== net46) (< net35)) (&& (== net46) (>= netcoreapp1.0)) (&& (== net462) (< net35)) (&& (== net462) (>= netcoreapp1.0)) (== netcoreapp2.1) (== netcoreapp2.2) (== netstandard2.0)
      Microsoft.NETCore.Platforms (>= 1.1) - restriction: || (&& (== net46) (< net45)) (&& (== net462) (< net45)) (== netcoreapp2.1) (== netcoreapp2.2) (== netstandard2.0)
      Microsoft.NETCore.Targets (>= 1.1) - restriction: || (&& (== net46) (< net45)) (&& (== net462) (< net45)) (== netcoreapp2.1) (== netcoreapp2.2) (== netstandard2.0)
      System.Runtime (>= 4.3) - restriction: || (&& (== net46) (< net45)) (&& (== net462) (< net45)) (== netcoreapp2.1) (== netcoreapp2.2) (== netstandard2.0)
    System.Globalization.Extensions (4.3) - restriction: || (&& (== net46) (< net35)) (&& (== net462) (< net35)) (== netcoreapp2.1) (== netcoreapp2.2) (== netstandard2.0)
      Microsoft.NETCore.Platforms (>= 1.1) - restriction: || (&& (== net462) (< net46)) (== netcoreapp2.1) (== netcoreapp2.2) (== netstandard2.0)
      System.Globalization (>= 4.3) - restriction: || (&& (== net462) (< net46)) (== netcoreapp2.1) (== netcoreapp2.2) (== netstandard2.0)
      System.Resources.ResourceManager (>= 4.3) - restriction: || (&& (== net462) (< net46)) (== netcoreapp2.1) (== netcoreapp2.2) (== netstandard2.0)
      System.Runtime (>= 4.3) - restriction: || (&& (== net462) (< net46)) (== netcoreapp2.1) (== netcoreapp2.2) (== netstandard2.0)
      System.Runtime.Extensions (>= 4.3) - restriction: || (&& (== net462) (< net46)) (== netcoreapp2.1) (== netcoreapp2.2) (== netstandard2.0)
      System.Runtime.InteropServices (>= 4.3) - restriction: || (&& (== net462) (< net46)) (== netcoreapp2.1) (== netcoreapp2.2) (== netstandard2.0)
    System.Interactive (3.2)
    System.IO (4.3) - restriction: || (&& (== net46) (< net35)) (&& (== net46) (>= netcoreapp1.0)) (&& (== net462) (< net35)) (&& (== net462) (>= netcoreapp1.0)) (== netcoreapp2.1) (== netcoreapp2.2) (== netstandard2.0)
      Microsoft.NETCore.Platforms (>= 1.1) - restriction: || (&& (== net46) (< net45)) (&& (== net462) (< net45)) (== netcoreapp2.1) (== netcoreapp2.2) (== netstandard2.0)
      Microsoft.NETCore.Targets (>= 1.1) - restriction: || (&& (== net46) (< net45)) (&& (== net462) (< net45)) (== netcoreapp2.1) (== netcoreapp2.2) (== netstandard2.0)
      System.Runtime (>= 4.3) - restriction: || (&& (== net46) (< net45)) (&& (== net462) (< net45)) (== netcoreapp2.1) (== netcoreapp2.2) (== netstandard2.0)
      System.Text.Encoding (>= 4.3) - restriction: || (&& (== net46) (< net45)) (&& (== net462) (< net45)) (== netcoreapp2.1) (== netcoreapp2.2) (== netstandard2.0)
      System.Threading.Tasks (>= 4.3) - restriction: || (&& (== net46) (< net45)) (&& (== net462) (< net45)) (== netcoreapp2.1) (== netcoreapp2.2) (== netstandard2.0)
    System.IO.FileSystem (4.3) - restriction: || (&& (== net46) (< net35)) (&& (== net46) (>= netcoreapp1.0)) (&& (== net462) (< net35)) (&& (== net462) (>= netcoreapp1.0)) (== netcoreapp2.1) (== netcoreapp2.2) (== netstandard2.0)
      Microsoft.NETCore.Platforms (>= 1.1) - restriction: || (&& (== net462) (< net46)) (== netcoreapp2.1) (== netcoreapp2.2) (== netstandard2.0)
      Microsoft.NETCore.Targets (>= 1.1) - restriction: || (&& (== net462) (< net46)) (== netcoreapp2.1) (== netcoreapp2.2) (== netstandard2.0)
      System.IO (>= 4.3) - restriction: || (&& (== net462) (< net46)) (== netcoreapp2.1) (== netcoreapp2.2) (== netstandard2.0)
      System.IO.FileSystem.Primitives (>= 4.3)
      System.Runtime (>= 4.3) - restriction: || (&& (== net462) (< net46)) (== netcoreapp2.1) (== netcoreapp2.2) (== netstandard2.0)
      System.Runtime.Handles (>= 4.3) - restriction: || (&& (== net462) (< net46)) (== netcoreapp2.1) (== netcoreapp2.2) (== netstandard2.0)
      System.Text.Encoding (>= 4.3) - restriction: || (&& (== net462) (< net46)) (== netcoreapp2.1) (== netcoreapp2.2) (== netstandard2.0)
      System.Threading.Tasks (>= 4.3) - restriction: || (&& (== net462) (< net46)) (== netcoreapp2.1) (== netcoreapp2.2) (== netstandard2.0)
    System.IO.FileSystem.Primitives (4.3) - restriction: || (&& (== net46) (< net35)) (&& (== net46) (>= netcoreapp1.0)) (&& (== net462) (< net35)) (&& (== net462) (>= netcoreapp1.0)) (== netcoreapp2.1) (== netcoreapp2.2) (== netstandard2.0)
      System.Runtime (>= 4.3) - restriction: || (&& (== net462) (< net46)) (== netcoreapp2.1) (== netcoreapp2.2) (== netstandard2.0)
    System.Linq (4.3) - restriction: || (&& (== net46) (< net35) (>= netstandard1.5)) (&& (== net46) (>= netcoreapp1.0)) (&& (== net462) (< net35)) (&& (== net462) (>= netcoreapp1.0)) (== netcoreapp2.1) (== netcoreapp2.2) (== netstandard2.0)
      System.Collections (>= 4.3) - restriction: || (&& (== net46) (< net45)) (&& (== net462) (< net45)) (== netcoreapp2.1) (== netcoreapp2.2) (== netstandard2.0)
      System.Diagnostics.Debug (>= 4.3) - restriction: || (&& (== net46) (< net45) (>= netstandard1.6)) (&& (== net462) (< net45) (>= netstandard1.6)) (== netcoreapp2.1) (== netcoreapp2.2) (== netstandard2.0)
      System.Resources.ResourceManager (>= 4.3) - restriction: || (&& (== net46) (< net45) (>= netstandard1.6)) (&& (== net462) (< net45) (>= netstandard1.6)) (== netcoreapp2.1) (== netcoreapp2.2) (== netstandard2.0)
      System.Runtime (>= 4.3) - restriction: || (&& (== net46) (< net45)) (&& (== net462) (< net45)) (== netcoreapp2.1) (== netcoreapp2.2) (== netstandard2.0)
      System.Runtime.Extensions (>= 4.3) - restriction: || (&& (== net46) (< net45) (>= netstandard1.6)) (&& (== net462) (< net45) (>= netstandard1.6)) (== netcoreapp2.1) (== netcoreapp2.2) (== netstandard2.0)
    System.Linq.Expressions (4.3) - restriction: || (&& (== net46) (< net35)) (&& (== net462) (< net35)) (== netcoreapp2.1) (== netcoreapp2.2) (== netstandard2.0)
      System.Collections (>= 4.3) - restriction: || (&& (== net46) (< net45) (>= netstandard1.6)) (&& (== net462) (< net45) (>= netstandard1.6)) (== netcoreapp2.1) (== netcoreapp2.2) (== netstandard2.0)
      System.Diagnostics.Debug (>= 4.3) - restriction: || (&& (== net46) (< net45) (>= netstandard1.6)) (&& (== net462) (< net45) (>= netstandard1.6)) (== netcoreapp2.1) (== netcoreapp2.2) (== netstandard2.0)
      System.Globalization (>= 4.3) - restriction: || (&& (== net46) (< net45) (>= netstandard1.6)) (&& (== net462) (< net45) (>= netstandard1.6)) (== netcoreapp2.1) (== netcoreapp2.2) (== netstandard2.0)
      System.IO (>= 4.3) - restriction: || (&& (== net46) (< net45) (>= netstandard1.6)) (&& (== net462) (< net45) (>= netstandard1.6)) (== netcoreapp2.1) (== netcoreapp2.2) (== netstandard2.0)
      System.Linq (>= 4.3) - restriction: || (&& (== net46) (< net45) (>= netstandard1.6)) (&& (== net462) (< net45) (>= netstandard1.6)) (== netcoreapp2.1) (== netcoreapp2.2) (== netstandard2.0)
      System.ObjectModel (>= 4.3) - restriction: || (&& (== net46) (< net45) (>= netstandard1.6)) (&& (== net462) (< net45) (>= netstandard1.6)) (== netcoreapp2.1) (== netcoreapp2.2) (== netstandard2.0)
      System.Reflection (>= 4.3) - restriction: || (&& (== net46) (< net45)) (&& (== net462) (< net45)) (== netcoreapp2.1) (== netcoreapp2.2) (== netstandard2.0)
      System.Reflection.Emit (>= 4.3) - restriction: || (&& (== net46) (< net45) (>= netstandard1.6)) (&& (== net462) (< net45) (>= netstandard1.6)) (== netcoreapp2.1) (== netcoreapp2.2) (== netstandard2.0)
      System.Reflection.Emit.ILGeneration (>= 4.3) - restriction: || (&& (== net46) (< net45) (>= netstandard1.6)) (&& (== net462) (< net45) (>= netstandard1.6)) (== netcoreapp2.1) (== netcoreapp2.2) (== netstandard2.0)
      System.Reflection.Emit.Lightweight (>= 4.3) - restriction: || (&& (== net46) (< net45) (>= netstandard1.6)) (&& (== net462) (< net45) (>= netstandard1.6)) (== netcoreapp2.1) (== netcoreapp2.2) (== netstandard2.0)
      System.Reflection.Extensions (>= 4.3) - restriction: || (&& (== net46) (< net45) (>= netstandard1.6)) (&& (== net462) (< net45) (>= netstandard1.6)) (== netcoreapp2.1) (== netcoreapp2.2) (== netstandard2.0)
      System.Reflection.Primitives (>= 4.3) - restriction: || (&& (== net46) (< net45) (>= netstandard1.6)) (&& (== net462) (< net45) (>= netstandard1.6)) (== netcoreapp2.1) (== netcoreapp2.2) (== netstandard2.0)
      System.Reflection.TypeExtensions (>= 4.3) - restriction: || (&& (== net46) (< net45) (>= netstandard1.6)) (&& (== net462) (< net45) (>= netstandard1.6)) (== netcoreapp2.1) (== netcoreapp2.2) (== netstandard2.0)
      System.Resources.ResourceManager (>= 4.3) - restriction: || (&& (== net46) (< net45) (>= netstandard1.6)) (&& (== net462) (< net45) (>= netstandard1.6)) (== netcoreapp2.1) (== netcoreapp2.2) (== netstandard2.0)
      System.Runtime (>= 4.3) - restriction: || (&& (== net46) (< net45)) (&& (== net462) (< net45)) (== netcoreapp2.1) (== netcoreapp2.2) (== netstandard2.0)
      System.Runtime.Extensions (>= 4.3) - restriction: || (&& (== net46) (< net45) (>= netstandard1.6)) (&& (== net462) (< net45) (>= netstandard1.6)) (== netcoreapp2.1) (== netcoreapp2.2) (== netstandard2.0)
      System.Threading (>= 4.3) - restriction: || (&& (== net46) (< net45) (>= netstandard1.6)) (&& (== net462) (< net45) (>= netstandard1.6)) (== netcoreapp2.1) (== netcoreapp2.2) (== netstandard2.0)
    System.Memory (4.5.3)
      System.Buffers (>= 4.4) - restriction: || (== net46) (== net462) (&& (== netcoreapp2.1) (>= monotouch)) (&& (== netcoreapp2.1) (>= net461)) (&& (== netcoreapp2.1) (< netcoreapp2.0)) (&& (== netcoreapp2.1) (< netstandard1.1)) (&& (== netcoreapp2.1) (< netstandard2.0)) (&& (== netcoreapp2.1) (>= xamarinios)) (&& (== netcoreapp2.1) (>= xamarinmac)) (&& (== netcoreapp2.1) (>= xamarintvos)) (&& (== netcoreapp2.1) (>= xamarinwatchos)) (&& (== netcoreapp2.2) (>= monotouch)) (&& (== netcoreapp2.2) (>= net461)) (&& (== netcoreapp2.2) (< netcoreapp2.0)) (&& (== netcoreapp2.2) (< netstandard1.1)) (&& (== netcoreapp2.2) (< netstandard2.0)) (&& (== netcoreapp2.2) (>= xamarinios)) (&& (== netcoreapp2.2) (>= xamarinmac)) (&& (== netcoreapp2.2) (>= xamarintvos)) (&& (== netcoreapp2.2) (>= xamarinwatchos)) (== netstandard2.0)
      System.Numerics.Vectors (>= 4.4) - restriction: || (&& (== net46) (== netcoreapp2.1)) (&& (== net46) (== netcoreapp2.2)) (&& (== net46) (< net45) (>= netstandard2.0)) (&& (== net46) (>= net461)) (== net462) (&& (== netcoreapp2.1) (>= net461)) (&& (== netcoreapp2.1) (< netcoreapp2.0)) (&& (== netcoreapp2.2) (>= net461)) (&& (== netcoreapp2.2) (< netcoreapp2.0)) (== netstandard2.0)
      System.Runtime.CompilerServices.Unsafe (>= 4.5.2) - restriction: || (== net46) (== net462) (&& (== netcoreapp2.1) (>= monotouch)) (&& (== netcoreapp2.1) (>= net461)) (&& (== netcoreapp2.1) (< netcoreapp2.0)) (&& (== netcoreapp2.1) (< netstandard1.1)) (&& (== netcoreapp2.1) (< netstandard2.0)) (&& (== netcoreapp2.1) (>= uap10.1)) (&& (== netcoreapp2.1) (>= xamarinios)) (&& (== netcoreapp2.1) (>= xamarinmac)) (&& (== netcoreapp2.1) (>= xamarintvos)) (&& (== netcoreapp2.1) (>= xamarinwatchos)) (&& (== netcoreapp2.2) (>= monotouch)) (&& (== netcoreapp2.2) (>= net461)) (&& (== netcoreapp2.2) (< netcoreapp2.0)) (&& (== netcoreapp2.2) (< netcoreapp2.1)) (&& (== netcoreapp2.2) (< netstandard1.1)) (&& (== netcoreapp2.2) (< netstandard2.0)) (&& (== netcoreapp2.2) (>= uap10.1)) (&& (== netcoreapp2.2) (>= xamarinios)) (&& (== netcoreapp2.2) (>= xamarinmac)) (&& (== netcoreapp2.2) (>= xamarintvos)) (&& (== netcoreapp2.2) (>= xamarinwatchos)) (== netstandard2.0)
    System.Numerics.Vectors (4.5) - restriction: || (&& (== net46) (== netcoreapp2.1)) (&& (== net46) (== netcoreapp2.2)) (&& (== net46) (< net45) (>= netstandard2.0)) (&& (== net46) (>= net461)) (== net462) (&& (== netcoreapp2.1) (>= net471)) (&& (== netcoreapp2.1) (< netstandard2.0)) (&& (== netcoreapp2.2) (>= net461)) (&& (== netcoreapp2.2) (>= net471)) (&& (== netcoreapp2.2) (< netcoreapp2.0)) (&& (== netcoreapp2.2) (< netstandard2.0)) (== netstandard2.0)
    System.ObjectModel (4.3) - restriction: || (&& (== net46) (< net35)) (&& (== net462) (< net35)) (== netcoreapp2.1) (== netcoreapp2.2) (== netstandard2.0)
      System.Collections (>= 4.3) - restriction: || (&& (== net46) (< net45)) (&& (== net462) (< net45)) (== netcoreapp2.1) (== netcoreapp2.2) (== netstandard2.0)
      System.Diagnostics.Debug (>= 4.3) - restriction: || (&& (== net46) (< net45)) (&& (== net462) (< net45)) (== netcoreapp2.1) (== netcoreapp2.2) (== netstandard2.0)
      System.Resources.ResourceManager (>= 4.3) - restriction: || (&& (== net46) (< net45)) (&& (== net462) (< net45)) (== netcoreapp2.1) (== netcoreapp2.2) (== netstandard2.0)
      System.Runtime (>= 4.3) - restriction: || (&& (== net46) (< net45)) (&& (== net462) (< net45)) (== netcoreapp2.1) (== netcoreapp2.2) (== netstandard2.0)
      System.Threading (>= 4.3) - restriction: || (&& (== net46) (< net45)) (&& (== net462) (< net45)) (== netcoreapp2.1) (== netcoreapp2.2) (== netstandard2.0)
    System.Private.DataContractSerialization (4.3) - restriction: || (&& (== net46) (>= netcoreapp1.0)) (&& (== net462) (>= netcoreapp1.0)) (== netcoreapp2.1) (== netcoreapp2.2) (&& (== netstandard2.0) (>= netcoreapp1.0))
      System.Collections (>= 4.3) - restriction: || (&& (== net462) (< net46)) (== netcoreapp2.1) (== netcoreapp2.2) (== netstandard2.0)
      System.Collections.Concurrent (>= 4.3) - restriction: || (&& (== net462) (< net46)) (== netcoreapp2.1) (== netcoreapp2.2) (== netstandard2.0)
      System.Diagnostics.Debug (>= 4.3) - restriction: || (&& (== net462) (< net46)) (== netcoreapp2.1) (== netcoreapp2.2) (== netstandard2.0)
      System.Globalization (>= 4.3) - restriction: || (&& (== net462) (< net46)) (== netcoreapp2.1) (== netcoreapp2.2) (== netstandard2.0)
      System.IO (>= 4.3) - restriction: || (&& (== net462) (< net46)) (== netcoreapp2.1) (== netcoreapp2.2) (== netstandard2.0)
      System.Linq (>= 4.3) - restriction: || (&& (== net462) (< net46)) (== netcoreapp2.1) (== netcoreapp2.2) (== netstandard2.0)
      System.Reflection (>= 4.3) - restriction: || (&& (== net462) (< net46)) (== netcoreapp2.1) (== netcoreapp2.2) (== netstandard2.0)
      System.Reflection.Emit.ILGeneration (>= 4.3) - restriction: || (&& (== net462) (< net46)) (== netcoreapp2.1) (== netcoreapp2.2) (== netstandard2.0)
      System.Reflection.Emit.Lightweight (>= 4.3) - restriction: || (&& (== net462) (< net46)) (== netcoreapp2.1) (== netcoreapp2.2) (== netstandard2.0)
      System.Reflection.Extensions (>= 4.3) - restriction: || (&& (== net462) (< net46)) (== netcoreapp2.1) (== netcoreapp2.2) (== netstandard2.0)
      System.Reflection.Primitives (>= 4.3) - restriction: || (&& (== net462) (< net46)) (== netcoreapp2.1) (== netcoreapp2.2) (== netstandard2.0)
      System.Reflection.TypeExtensions (>= 4.3)
      System.Resources.ResourceManager (>= 4.3) - restriction: || (&& (== net462) (< net46)) (== netcoreapp2.1) (== netcoreapp2.2) (== netstandard2.0)
      System.Runtime (>= 4.3) - restriction: || (&& (== net462) (< net46)) (== netcoreapp2.1) (== netcoreapp2.2) (== netstandard2.0)
      System.Runtime.Extensions (>= 4.3) - restriction: || (&& (== net462) (< net46)) (== netcoreapp2.1) (== netcoreapp2.2) (== netstandard2.0)
      System.Runtime.Serialization.Primitives (>= 4.3)
      System.Text.Encoding (>= 4.3) - restriction: || (&& (== net462) (< net46)) (== netcoreapp2.1) (== netcoreapp2.2) (== netstandard2.0)
      System.Text.Encoding.Extensions (>= 4.3) - restriction: || (&& (== net462) (< net46)) (== netcoreapp2.1) (== netcoreapp2.2) (== netstandard2.0)
      System.Text.RegularExpressions (>= 4.3) - restriction: || (&& (== net462) (< net46)) (== netcoreapp2.1) (== netcoreapp2.2) (== netstandard2.0)
      System.Threading (>= 4.3) - restriction: || (&& (== net462) (< net46)) (== netcoreapp2.1) (== netcoreapp2.2) (== netstandard2.0)
      System.Threading.Tasks (>= 4.3) - restriction: || (&& (== net462) (< net46)) (== netcoreapp2.1) (== netcoreapp2.2) (== netstandard2.0)
      System.Xml.ReaderWriter (>= 4.3) - restriction: || (&& (== net462) (< net46)) (== netcoreapp2.1) (== netcoreapp2.2) (== netstandard2.0)
      System.Xml.XDocument (>= 4.3) - restriction: || (&& (== net462) (< net46)) (== netcoreapp2.1) (== netcoreapp2.2) (== netstandard2.0)
      System.Xml.XmlDocument (>= 4.3)
      System.Xml.XmlSerializer (>= 4.3) - restriction: || (&& (== net462) (< net46)) (== netcoreapp2.1) (== netcoreapp2.2) (== netstandard2.0)
    System.Reactive (4.1.5)
      System.Runtime.InteropServices.WindowsRuntime (>= 4.3) - restriction: || (&& (== net462) (< net46) (>= netstandard2.0)) (== netcoreapp2.1) (== netcoreapp2.2) (== netstandard2.0)
      System.Threading.Tasks.Extensions (>= 4.5.2)
      System.ValueTuple (>= 4.5) - restriction: || (== net46) (== net462) (&& (== netcoreapp2.1) (>= net46)) (&& (== netcoreapp2.1) (>= uap10.0)) (&& (== netcoreapp2.2) (>= net46)) (&& (== netcoreapp2.2) (>= uap10.0)) (&& (== netstandard2.0) (>= net46)) (&& (== netstandard2.0) (>= uap10.0))
    System.Reflection (4.3) - restriction: || (&& (== net46) (< net35)) (&& (== net46) (>= netcoreapp1.0)) (&& (== net462) (< net35)) (&& (== net462) (>= netcoreapp1.0)) (== netcoreapp2.1) (== netcoreapp2.2) (== netstandard2.0)
      Microsoft.NETCore.Platforms (>= 1.1) - restriction: || (&& (== net46) (< net45)) (&& (== net462) (< net45)) (== netcoreapp2.1) (== netcoreapp2.2) (== netstandard2.0)
      Microsoft.NETCore.Targets (>= 1.1) - restriction: || (&& (== net46) (< net45)) (&& (== net462) (< net45)) (== netcoreapp2.1) (== netcoreapp2.2) (== netstandard2.0)
      System.IO (>= 4.3) - restriction: || (&& (== net46) (< net45)) (&& (== net462) (< net45)) (== netcoreapp2.1) (== netcoreapp2.2) (== netstandard2.0)
      System.Reflection.Primitives (>= 4.3) - restriction: || (&& (== net46) (< net45)) (&& (== net462) (< net45)) (== netcoreapp2.1) (== netcoreapp2.2) (== netstandard2.0)
      System.Runtime (>= 4.3) - restriction: || (&& (== net46) (< net45)) (&& (== net462) (< net45)) (== netcoreapp2.1) (== netcoreapp2.2) (== netstandard2.0)
    System.Reflection.Emit (4.3) - restriction: || (&& (== net46) (< net35)) (&& (== net46) (>= netcoreapp1.0)) (&& (== net462) (< net35)) (&& (== net462) (>= netcoreapp1.0)) (== netcoreapp2.1) (== netcoreapp2.2) (== netstandard2.0)
      System.IO (>= 4.3) - restriction: || (&& (== net46) (< net45)) (&& (== net462) (< net45)) (== netcoreapp2.1) (== netcoreapp2.2) (== netstandard2.0)
      System.Reflection (>= 4.3) - restriction: || (&& (== net46) (< net45)) (&& (== net462) (< net45)) (== netcoreapp2.1) (== netcoreapp2.2) (== netstandard2.0)
      System.Reflection.Emit.ILGeneration (>= 4.3) - restriction: || (&& (== net46) (< net45)) (&& (== net462) (< net45)) (== netcoreapp2.1) (== netcoreapp2.2) (== netstandard2.0)
      System.Reflection.Primitives (>= 4.3) - restriction: || (&& (== net46) (< net45)) (&& (== net462) (< net45)) (== netcoreapp2.1) (== netcoreapp2.2) (== netstandard2.0)
      System.Runtime (>= 4.3) - restriction: || (&& (== net46) (< net45)) (&& (== net462) (< net45)) (== netcoreapp2.1) (== netcoreapp2.2) (== netstandard2.0)
    System.Reflection.Emit.ILGeneration (4.3) - restriction: || (&& (== net46) (< net45)) (&& (== net46) (>= netcoreapp1.0)) (&& (== net462) (< net45)) (&& (== net462) (>= netcoreapp1.0)) (== netcoreapp2.1) (== netcoreapp2.2) (== netstandard2.0)
      System.Reflection (>= 4.3) - restriction: || (&& (== net46) (< net45)) (&& (== net462) (< net45)) (== netcoreapp2.1) (== netcoreapp2.2) (== netstandard2.0)
      System.Reflection.Primitives (>= 4.3) - restriction: || (&& (== net46) (< net45)) (&& (== net462) (< net45)) (== netcoreapp2.1) (== netcoreapp2.2) (== netstandard2.0)
      System.Runtime (>= 4.3) - restriction: || (&& (== net46) (< net45)) (&& (== net462) (< net45)) (== netcoreapp2.1) (== netcoreapp2.2) (== netstandard2.0)
    System.Reflection.Emit.Lightweight (4.3) - restriction: || (&& (== net46) (< net451)) (&& (== net46) (>= netcoreapp1.0)) (&& (== net462) (< net451)) (&& (== net462) (>= netcoreapp1.0)) (== netcoreapp2.1) (== netcoreapp2.2) (== netstandard2.0)
      System.Reflection (>= 4.3) - restriction: || (&& (== net46) (< net45)) (&& (== net462) (< net45)) (== netcoreapp2.1) (== netcoreapp2.2) (== netstandard2.0)
      System.Reflection.Emit.ILGeneration (>= 4.3) - restriction: || (&& (== net46) (< net45)) (&& (== net462) (< net45)) (== netcoreapp2.1) (== netcoreapp2.2) (== netstandard2.0)
      System.Reflection.Primitives (>= 4.3) - restriction: || (&& (== net46) (< net45)) (&& (== net462) (< net45)) (== netcoreapp2.1) (== netcoreapp2.2) (== netstandard2.0)
      System.Runtime (>= 4.3) - restriction: || (&& (== net46) (< net45)) (&& (== net462) (< net45)) (== netcoreapp2.1) (== netcoreapp2.2) (== netstandard2.0)
    System.Reflection.Extensions (4.3) - restriction: || (&& (== net46) (< net35)) (&& (== net46) (>= netcoreapp1.0)) (&& (== net462) (< net35)) (&& (== net462) (>= netcoreapp1.0)) (== netcoreapp2.1) (== netcoreapp2.2) (== netstandard2.0)
      Microsoft.NETCore.Platforms (>= 1.1) - restriction: || (&& (== net46) (< net45)) (&& (== net462) (< net45)) (== netcoreapp2.1) (== netcoreapp2.2) (== netstandard2.0)
      Microsoft.NETCore.Targets (>= 1.1) - restriction: || (&& (== net46) (< net45)) (&& (== net462) (< net45)) (== netcoreapp2.1) (== netcoreapp2.2) (== netstandard2.0)
      System.Reflection (>= 4.3) - restriction: || (&& (== net46) (< net45)) (&& (== net462) (< net45)) (== netcoreapp2.1) (== netcoreapp2.2) (== netstandard2.0)
      System.Runtime (>= 4.3) - restriction: || (&& (== net46) (< net45)) (&& (== net462) (< net45)) (== netcoreapp2.1) (== netcoreapp2.2) (== netstandard2.0)
    System.Reflection.Metadata (1.6) - restriction: || (&& (== net46) (>= netcoreapp1.0)) (&& (== net462) (>= netcoreapp1.0)) (== netcoreapp2.1) (== netcoreapp2.2) (&& (== netstandard2.0) (>= netcoreapp1.0))
    System.Reflection.Primitives (4.3) - restriction: || (&& (== net46) (< net45)) (&& (== net46) (>= netcoreapp1.0)) (&& (== net46) (>= netcoreapp1.1)) (&& (== net462) (< net45)) (&& (== net462) (>= netcoreapp1.0)) (&& (== net462) (>= netcoreapp1.1)) (== netcoreapp2.1) (== netcoreapp2.2) (== netstandard2.0)
      Microsoft.NETCore.Platforms (>= 1.1) - restriction: || (&& (== net46) (< net45)) (&& (== net462) (< net45)) (== netcoreapp2.1) (== netcoreapp2.2) (== netstandard2.0)
      Microsoft.NETCore.Targets (>= 1.1) - restriction: || (&& (== net46) (< net45)) (&& (== net462) (< net45)) (== netcoreapp2.1) (== netcoreapp2.2) (== netstandard2.0)
      System.Runtime (>= 4.3) - restriction: || (&& (== net46) (< net45)) (&& (== net462) (< net45)) (== netcoreapp2.1) (== netcoreapp2.2) (== netstandard2.0)
    System.Reflection.TypeExtensions (4.5.1) - restriction: || (&& (== net46) (< net451)) (&& (== net46) (>= netcoreapp1.0)) (&& (== net462) (< net451)) (&& (== net462) (>= netcoreapp1.0)) (== netcoreapp2.1) (== netcoreapp2.2) (== netstandard2.0)
    System.Resources.ResourceManager (4.3) - restriction: || (&& (== net46) (< net35)) (&& (== net46) (>= netcoreapp1.0)) (&& (== net462) (< net35)) (&& (== net462) (>= netcoreapp1.0)) (== netcoreapp2.1) (== netcoreapp2.2) (== netstandard2.0)
      Microsoft.NETCore.Platforms (>= 1.1) - restriction: || (&& (== net46) (< net45)) (&& (== net462) (< net45)) (== netcoreapp2.1) (== netcoreapp2.2) (== netstandard2.0)
      Microsoft.NETCore.Targets (>= 1.1) - restriction: || (&& (== net46) (< net45)) (&& (== net462) (< net45)) (== netcoreapp2.1) (== netcoreapp2.2) (== netstandard2.0)
      System.Globalization (>= 4.3) - restriction: || (&& (== net46) (< net45)) (&& (== net462) (< net45)) (== netcoreapp2.1) (== netcoreapp2.2) (== netstandard2.0)
      System.Reflection (>= 4.3) - restriction: || (&& (== net46) (< net45)) (&& (== net462) (< net45)) (== netcoreapp2.1) (== netcoreapp2.2) (== netstandard2.0)
      System.Runtime (>= 4.3) - restriction: || (&& (== net46) (< net45)) (&& (== net462) (< net45)) (== netcoreapp2.1) (== netcoreapp2.2) (== netstandard2.0)
    System.Runtime (4.3.1) - restriction: || (&& (== net46) (< net35)) (&& (== net46) (< net45)) (&& (== net46) (>= netcoreapp1.0)) (&& (== net462) (< net35)) (&& (== net462) (< net45)) (&& (== net462) (>= netcoreapp1.0)) (== netcoreapp2.1) (== netcoreapp2.2) (== netstandard2.0)
      Microsoft.NETCore.Platforms (>= 1.1.1) - restriction: || (&& (== net46) (< net45)) (&& (== net462) (< net45)) (== netcoreapp2.1) (== netcoreapp2.2) (== netstandard2.0)
      Microsoft.NETCore.Targets (>= 1.1.3) - restriction: || (&& (== net46) (< net45)) (&& (== net462) (< net45)) (== netcoreapp2.1) (== netcoreapp2.2) (== netstandard2.0)
    System.Runtime.CompilerServices.Unsafe (4.5.2)
    System.Runtime.Extensions (4.3.1) - restriction: || (&& (== net46) (< net35)) (&& (== net46) (>= netcoreapp1.0)) (&& (== net462) (< net35)) (&& (== net462) (>= netcoreapp1.0)) (== netcoreapp2.1) (== netcoreapp2.2) (== netstandard2.0)
      Microsoft.NETCore.Platforms (>= 1.1.1) - restriction: || (&& (== net46) (< net45)) (&& (== net462) (< net45)) (== netcoreapp2.1) (== netcoreapp2.2) (== netstandard2.0)
      Microsoft.NETCore.Targets (>= 1.1.3) - restriction: || (&& (== net46) (< net45)) (&& (== net462) (< net45)) (== netcoreapp2.1) (== netcoreapp2.2) (== netstandard2.0)
      System.Runtime (>= 4.3.1) - restriction: || (&& (== net46) (< net45)) (&& (== net462) (< net45)) (== netcoreapp2.1) (== netcoreapp2.2) (== netstandard2.0)
    System.Runtime.Handles (4.3) - restriction: || (&& (== net46) (>= netcoreapp1.0)) (&& (== net462) (>= netcoreapp1.0)) (== netcoreapp2.1) (== netcoreapp2.2) (&& (== netstandard2.0) (>= netcoreapp1.0))
      Microsoft.NETCore.Platforms (>= 1.1) - restriction: || (&& (== net462) (< net46)) (== netcoreapp2.1) (== netcoreapp2.2) (== netstandard2.0)
      Microsoft.NETCore.Targets (>= 1.1) - restriction: || (&& (== net462) (< net46)) (== netcoreapp2.1) (== netcoreapp2.2) (== netstandard2.0)
      System.Runtime (>= 4.3) - restriction: || (&& (== net462) (< net46)) (== netcoreapp2.1) (== netcoreapp2.2) (== netstandard2.0)
    System.Runtime.InteropServices (4.3) - restriction: || (&& (== net46) (< net35)) (&& (== net46) (>= netcoreapp1.0)) (&& (== net462) (< net35)) (&& (== net462) (>= netcoreapp1.0)) (== netcoreapp2.1) (== netcoreapp2.2) (== netstandard2.0)
      Microsoft.NETCore.Platforms (>= 1.1) - restriction: || (&& (== net46) (< net45)) (&& (== net46) (>= netcoreapp1.1)) (&& (== net462) (< net45)) (&& (== net462) (>= netcoreapp1.1)) (== netcoreapp2.1) (== netcoreapp2.2) (== netstandard2.0)
      Microsoft.NETCore.Targets (>= 1.1) - restriction: || (&& (== net46) (< net45)) (&& (== net46) (>= netcoreapp1.1)) (&& (== net462) (< net45)) (&& (== net462) (>= netcoreapp1.1)) (== netcoreapp2.1) (== netcoreapp2.2) (== netstandard2.0)
      System.Reflection (>= 4.3) - restriction: || (&& (== net46) (< net45)) (&& (== net46) (>= netcoreapp1.1)) (&& (== net462) (< net45)) (&& (== net462) (>= netcoreapp1.1)) (== netcoreapp2.1) (== netcoreapp2.2) (== netstandard2.0)
      System.Reflection.Primitives (>= 4.3) - restriction: || (&& (== net46) (< net45)) (&& (== net46) (>= netcoreapp1.1)) (&& (== net462) (< net45)) (&& (== net462) (>= netcoreapp1.1)) (== netcoreapp2.1) (== netcoreapp2.2) (== netstandard2.0)
      System.Runtime (>= 4.3) - restriction: || (&& (== net46) (< net45)) (&& (== net46) (>= net462)) (&& (== net46) (>= netcoreapp1.1)) (== net462) (== netcoreapp2.1) (== netcoreapp2.2) (== netstandard2.0)
      System.Runtime.Handles (>= 4.3) - restriction: || (&& (== net46) (< net45)) (&& (== net46) (>= netcoreapp1.1)) (&& (== net462) (< net45)) (&& (== net462) (>= netcoreapp1.1)) (== netcoreapp2.1) (== netcoreapp2.2) (== netstandard2.0)
    System.Runtime.InteropServices.RuntimeInformation (4.3) - restriction: || (&& (== net46) (>= netcoreapp1.0)) (&& (== net462) (>= netcoreapp1.0)) (== netcoreapp2.1) (== netcoreapp2.2) (&& (== netstandard2.0) (>= netcoreapp1.0))
      runtime.native.System (>= 4.3) - restriction: || (&& (== net46) (< net45)) (&& (== net462) (< net45)) (== netcoreapp2.1) (== netcoreapp2.2) (== netstandard2.0)
      System.Reflection (>= 4.3) - restriction: || (&& (== net46) (< net45)) (&& (== net462) (< net45)) (== netcoreapp2.1) (== netcoreapp2.2) (== netstandard2.0)
      System.Reflection.Extensions (>= 4.3) - restriction: || (&& (== net46) (< net45)) (&& (== net462) (< net45)) (== netcoreapp2.1) (== netcoreapp2.2) (== netstandard2.0)
      System.Resources.ResourceManager (>= 4.3) - restriction: || (&& (== net46) (< net45)) (&& (== net462) (< net45)) (== netcoreapp2.1) (== netcoreapp2.2) (== netstandard2.0)
      System.Runtime (>= 4.3) - restriction: || (&& (== net46) (< net45)) (&& (== net462) (< net45)) (== netcoreapp2.1) (== netcoreapp2.2) (== netstandard2.0)
      System.Runtime.InteropServices (>= 4.3) - restriction: || (&& (== net46) (< net45)) (&& (== net462) (< net45)) (== netcoreapp2.1) (== netcoreapp2.2) (== netstandard2.0)
      System.Threading (>= 4.3) - restriction: || (&& (== net46) (< net45)) (&& (== net462) (< net45)) (== netcoreapp2.1) (== netcoreapp2.2) (== netstandard2.0)
    System.Runtime.InteropServices.WindowsRuntime (4.3) - restriction: || (&& (== net462) (< net46) (>= netstandard2.0)) (== netcoreapp2.1) (== netcoreapp2.2) (== netstandard2.0)
      System.Runtime (>= 4.3) - restriction: || (&& (== net46) (< net45)) (&& (== net462) (< net45)) (== netcoreapp2.1) (== netcoreapp2.2) (== netstandard2.0)
    System.Runtime.Loader (4.3) - restriction: || (&& (== net46) (>= netcoreapp1.0)) (&& (== net462) (>= netcoreapp1.0)) (== netcoreapp2.1) (== netcoreapp2.2) (&& (== netstandard2.0) (>= netcoreapp1.0))
      System.IO (>= 4.3) - restriction: || (&& (== net46) (== net462)) (&& (== net46) (>= netstandard1.5)) (== netcoreapp2.1) (== netcoreapp2.2) (== netstandard2.0)
      System.Reflection (>= 4.3) - restriction: || (&& (== net46) (== net462)) (&& (== net46) (>= netstandard1.5)) (== netcoreapp2.1) (== netcoreapp2.2) (== netstandard2.0)
      System.Runtime (>= 4.3) - restriction: || (&& (== net46) (== net462)) (&& (== net46) (>= netstandard1.5)) (== netcoreapp2.1) (== netcoreapp2.2) (== netstandard2.0)
    System.Runtime.Serialization.Json (4.3) - restriction: || (&& (== net46) (>= netcoreapp1.0)) (&& (== net462) (>= netcoreapp1.0)) (== netcoreapp2.1) (== netcoreapp2.2) (&& (== netstandard2.0) (>= netcoreapp1.0))
      System.IO (>= 4.3) - restriction: || (&& (== net46) (< net45)) (&& (== net462) (< net45)) (== netcoreapp2.1) (== netcoreapp2.2) (== netstandard2.0)
      System.Private.DataContractSerialization (>= 4.3) - restriction: || (&& (== net46) (< net45)) (&& (== net462) (< net45)) (== netcoreapp2.1) (== netcoreapp2.2) (== netstandard2.0)
      System.Runtime (>= 4.3) - restriction: || (&& (== net46) (< net45)) (&& (== net462) (< net45)) (== netcoreapp2.1) (== netcoreapp2.2) (== netstandard2.0)
    System.Runtime.Serialization.Primitives (4.3) - restriction: || (&& (== net46) (>= netcoreapp1.0)) (&& (== net462) (>= netcoreapp1.0)) (== netcoreapp2.1) (== netcoreapp2.2) (&& (== netstandard2.0) (>= netcoreapp1.0))
      System.Resources.ResourceManager (>= 4.3) - restriction: || (&& (== net46) (< net45)) (&& (== net462) (< net45)) (== netcoreapp2.1) (== netcoreapp2.2) (== netstandard2.0)
      System.Runtime (>= 4.3) - restriction: || (&& (== net46) (< net45)) (&& (== net462) (< net45)) (== netcoreapp2.1) (== netcoreapp2.2) (== netstandard2.0)
    System.Security.AccessControl (4.5) - restriction: || (&& (== net46) (>= monoandroid) (>= netstandard2.0)) (&& (== net46) (>= monotouch) (>= netstandard2.0)) (&& (== net46) (< net451) (>= netstandard2.0)) (&& (== net46) (>= netcoreapp2.0)) (&& (== net46) (>= netstandard2.0) (>= xamarintvos)) (&& (== net46) (>= netstandard2.0) (>= xamarinwatchos)) (&& (== net46) (>= xamarinios)) (&& (== net46) (>= xamarinmac)) (&& (== net462) (>= monoandroid) (>= netstandard2.0)) (&& (== net462) (>= monotouch) (>= netstandard2.0)) (&& (== net462) (< net451) (>= netstandard2.0)) (&& (== net462) (>= netcoreapp2.0)) (&& (== net462) (>= netstandard2.0) (>= xamarintvos)) (&& (== net462) (>= netstandard2.0) (>= xamarinwatchos)) (&& (== net462) (>= xamarinios)) (&& (== net462) (>= xamarinmac)) (== netcoreapp2.1) (== netcoreapp2.2) (== netstandard2.0)
      Microsoft.NETCore.Platforms (>= 2.0) - restriction: || (&& (== net46) (>= netcoreapp2.0)) (&& (== net462) (>= netcoreapp2.0)) (== netcoreapp2.1) (== netcoreapp2.2) (&& (== netstandard2.0) (>= netcoreapp2.0))
      System.Security.Principal.Windows (>= 4.5) - restriction: || (&& (== net46) (>= net461)) (&& (== net46) (>= netcoreapp2.0)) (== net462) (== netcoreapp2.1) (== netcoreapp2.2) (== netstandard2.0)
    System.Security.Cryptography.Cng (4.5) - restriction: || (&& (== net46) (< net45) (>= netstandard2.0)) (&& (== net46) (>= netcoreapp2.0)) (&& (== net462) (< net45) (>= netstandard2.0)) (&& (== net462) (>= netcoreapp2.0)) (== netcoreapp2.1) (== netcoreapp2.2) (== netstandard2.0)
    System.Security.Cryptography.Pkcs (4.5.2) - restriction: || (&& (== net46) (< net45) (>= netstandard2.0)) (&& (== net462) (< net45) (>= netstandard2.0)) (== netcoreapp2.1) (== netcoreapp2.2) (== netstandard2.0)
      System.Buffers (>= 4.4) - restriction: || (&& (== net46) (== netcoreapp2.1)) (&& (== net46) (== netcoreapp2.2)) (&& (== net46) (>= monoandroid)) (&& (== net46) (>= monotouch)) (&& (== net46) (>= xamarinios)) (&& (== net46) (>= xamarinmac)) (&& (== net46) (>= xamarintvos)) (&& (== net46) (>= xamarinwatchos)) (&& (== net462) (== netcoreapp2.1)) (&& (== net462) (== netcoreapp2.2)) (&& (== net462) (>= monoandroid)) (&& (== net462) (>= monotouch)) (&& (== net462) (< net46) (>= netstandard2.0)) (&& (== net462) (>= xamarinios)) (&& (== net462) (>= xamarinmac)) (&& (== net462) (>= xamarintvos)) (&& (== net462) (>= xamarinwatchos)) (&& (== netcoreapp2.1) (>= monoandroid) (< netstandard2.0)) (&& (== netcoreapp2.1) (>= monotouch)) (&& (== netcoreapp2.1) (< netcoreapp2.0)) (&& (== netcoreapp2.1) (>= xamarinios)) (&& (== netcoreapp2.1) (>= xamarinmac)) (&& (== netcoreapp2.1) (>= xamarintvos)) (&& (== netcoreapp2.1) (>= xamarinwatchos)) (&& (== netcoreapp2.2) (>= monoandroid) (< netstandard2.0)) (&& (== netcoreapp2.2) (>= monotouch)) (&& (== netcoreapp2.2) (< netcoreapp2.0)) (&& (== netcoreapp2.2) (>= xamarinios)) (&& (== netcoreapp2.2) (>= xamarinmac)) (&& (== netcoreapp2.2) (>= xamarintvos)) (&& (== netcoreapp2.2) (>= xamarinwatchos)) (== netstandard2.0)
      System.Memory (>= 4.5.1) - restriction: || (&& (== net46) (== netcoreapp2.1)) (&& (== net46) (== netcoreapp2.2)) (&& (== net46) (>= monoandroid)) (&& (== net46) (>= monotouch)) (&& (== net46) (>= netcoreapp2.0)) (&& (== net46) (>= uap10.1)) (&& (== net46) (>= xamarinios)) (&& (== net46) (>= xamarinmac)) (&& (== net46) (>= xamarintvos)) (&& (== net46) (>= xamarinwatchos)) (&& (== net462) (== netcoreapp2.1)) (&& (== net462) (== netcoreapp2.2)) (&& (== net462) (>= monoandroid)) (&& (== net462) (>= monotouch)) (&& (== net462) (< net46) (>= netstandard2.0)) (&& (== net462) (>= netcoreapp2.0)) (&& (== net462) (>= uap10.1)) (&& (== net462) (>= xamarinios)) (&& (== net462) (>= xamarinmac)) (&& (== net462) (>= xamarintvos)) (&& (== net462) (>= xamarinwatchos)) (&& (== netcoreapp2.1) (>= monoandroid) (< netstandard2.0)) (&& (== netcoreapp2.1) (>= monotouch)) (&& (== netcoreapp2.1) (< netcoreapp2.0)) (&& (== netcoreapp2.1) (>= uap10.1)) (&& (== netcoreapp2.1) (>= xamarinios)) (&& (== netcoreapp2.1) (>= xamarinmac)) (&& (== netcoreapp2.1) (>= xamarintvos)) (&& (== netcoreapp2.1) (>= xamarinwatchos)) (&& (== netcoreapp2.2) (>= monoandroid) (< netstandard2.0)) (&& (== netcoreapp2.2) (>= monotouch)) (&& (== netcoreapp2.2) (< netcoreapp2.0)) (&& (== netcoreapp2.2) (< netcoreapp2.1)) (&& (== netcoreapp2.2) (>= uap10.1)) (&& (== netcoreapp2.2) (>= xamarinios)) (&& (== netcoreapp2.2) (>= xamarinmac)) (&& (== netcoreapp2.2) (>= xamarintvos)) (&& (== netcoreapp2.2) (>= xamarinwatchos)) (== netstandard2.0)
      System.Security.Cryptography.Cng (>= 4.4) - restriction: || (&& (== net46) (== netcoreapp2.1)) (&& (== net46) (== netcoreapp2.2)) (&& (== net46) (>= netcoreapp2.0)) (&& (== net462) (== netcoreapp2.1)) (&& (== net462) (== netcoreapp2.2)) (&& (== net462) (< net46) (>= netstandard2.0)) (&& (== net462) (>= netcoreapp2.0)) (&& (== netcoreapp2.1) (< netcoreapp2.0)) (&& (== netcoreapp2.2) (< netcoreapp2.0)) (&& (== netcoreapp2.2) (< netcoreapp2.1)) (== netstandard2.0)
      System.Security.Cryptography.Cng (>= 4.5) - restriction: || (&& (== net46) (>= netcoreapp2.1)) (&& (== net462) (>= netcoreapp2.1)) (== netcoreapp2.1) (== netcoreapp2.2) (&& (== netstandard2.0) (>= netcoreapp2.1))
    System.Security.Cryptography.Xml (4.5) - restriction: || (&& (== net46) (< net45) (>= netstandard2.0)) (&& (== net462) (< net45) (>= netstandard2.0)) (== netcoreapp2.1) (== netcoreapp2.2) (== netstandard2.0)
      System.Security.Cryptography.Pkcs (>= 4.5) - restriction: || (&& (== net46) (>= netstandard2.0)) (&& (== net462) (< net461) (>= netstandard2.0)) (== netcoreapp2.1) (== netcoreapp2.2) (== netstandard2.0)
      System.Security.Permissions (>= 4.5) - restriction: || (&& (== net46) (>= net461)) (&& (== net46) (>= netstandard2.0)) (== net462) (== netcoreapp2.1) (== netcoreapp2.2) (== netstandard2.0)
    System.Security.Permissions (4.5) - restriction: || (&& (== net46) (< net45) (>= netstandard2.0)) (&& (== net462) (< net45) (>= netstandard2.0)) (== netcoreapp2.1) (== netcoreapp2.2) (== netstandard2.0)
      System.Security.AccessControl (>= 4.5) - restriction: || (&& (== net46) (>= net461)) (&& (== net46) (>= netstandard2.0)) (== net462) (== netcoreapp2.1) (== netcoreapp2.2) (== netstandard2.0)
    System.Security.Principal.Windows (4.5.1) - restriction: || (&& (== net46) (< net451) (>= netstandard2.0)) (&& (== net46) (>= netcoreapp2.0)) (&& (== net462) (< net451) (>= netstandard2.0)) (&& (== net462) (>= netcoreapp2.0)) (== netcoreapp2.1) (== netcoreapp2.2) (== netstandard2.0)
      Microsoft.NETCore.Platforms (>= 2.0) - restriction: || (&& (== net46) (>= netcoreapp2.0)) (&& (== net462) (>= netcoreapp2.0)) (== netcoreapp2.1) (== netcoreapp2.2) (&& (== netstandard2.0) (>= netcoreapp2.0))
    System.Text.Encoding (4.3) - restriction: || (&& (== net46) (< net35)) (&& (== net46) (>= netcoreapp1.0)) (&& (== net462) (< net35)) (&& (== net462) (>= netcoreapp1.0)) (== netcoreapp2.1) (== netcoreapp2.2) (== netstandard2.0)
      Microsoft.NETCore.Platforms (>= 1.1) - restriction: || (&& (== net46) (< net45)) (&& (== net462) (< net45)) (== netcoreapp2.1) (== netcoreapp2.2) (== netstandard2.0)
      Microsoft.NETCore.Targets (>= 1.1) - restriction: || (&& (== net46) (< net45)) (&& (== net462) (< net45)) (== netcoreapp2.1) (== netcoreapp2.2) (== netstandard2.0)
      System.Runtime (>= 4.3) - restriction: || (&& (== net46) (< net45)) (&& (== net462) (< net45)) (== netcoreapp2.1) (== netcoreapp2.2) (== netstandard2.0)
    System.Text.Encoding.CodePages (4.5.1) - restriction: || (&& (== net46) (< net451) (>= netstandard2.0)) (&& (== net46) (>= netcoreapp2.0)) (&& (== net462) (< net451) (>= netstandard2.0)) (&& (== net462) (>= netcoreapp2.0)) (== netcoreapp2.1) (== netcoreapp2.2) (== netstandard2.0)
      Microsoft.NETCore.Platforms (>= 2.1.2) - restriction: || (&& (== net46) (>= netcoreapp2.0)) (&& (== net462) (>= netcoreapp2.0)) (== netcoreapp2.1) (== netcoreapp2.2) (&& (== netstandard2.0) (>= netcoreapp2.0))
      System.Runtime.CompilerServices.Unsafe (>= 4.5.2) - restriction: || (&& (== net46) (>= net461)) (&& (== net46) (>= netcoreapp2.0)) (== net462) (== netcoreapp2.1) (== netcoreapp2.2) (== netstandard2.0)
    System.Text.Encoding.Extensions (4.3) - restriction: || (&& (== net46) (< net35)) (&& (== net46) (>= netcoreapp1.0)) (&& (== net462) (< net35)) (&& (== net462) (>= netcoreapp1.0)) (== netcoreapp2.1) (== netcoreapp2.2) (== netstandard2.0)
      Microsoft.NETCore.Platforms (>= 1.1) - restriction: || (&& (== net46) (< net45)) (&& (== net462) (< net45)) (== netcoreapp2.1) (== netcoreapp2.2) (== netstandard2.0)
      Microsoft.NETCore.Targets (>= 1.1) - restriction: || (&& (== net46) (< net45)) (&& (== net462) (< net45)) (== netcoreapp2.1) (== netcoreapp2.2) (== netstandard2.0)
      System.Runtime (>= 4.3) - restriction: || (&& (== net46) (< net45)) (&& (== net462) (< net45)) (== netcoreapp2.1) (== netcoreapp2.2) (== netstandard2.0)
      System.Text.Encoding (>= 4.3) - restriction: || (&& (== net46) (< net45)) (&& (== net462) (< net45)) (== netcoreapp2.1) (== netcoreapp2.2) (== netstandard2.0)
    System.Text.Encodings.Web (4.5) - restriction: || (&& (== net46) (< net45) (>= netstandard2.0)) (&& (== net462) (< net45) (>= netstandard2.0)) (== netcoreapp2.1) (== netcoreapp2.2) (== netstandard2.0)
    System.Text.RegularExpressions (4.3.1) - restriction: || (&& (== net46) (< net35)) (&& (== net46) (>= netcoreapp1.0)) (&& (== net462) (< net35)) (&& (== net462) (>= netcoreapp1.0)) (== netcoreapp2.1) (== netcoreapp2.2) (== netstandard2.0)
      System.Collections (>= 4.3) - restriction: || (&& (== net46) (== netcoreapp2.1)) (&& (== net46) (== netcoreapp2.2)) (&& (== net46) (< net45) (>= netstandard1.6)) (&& (== net462) (== netcoreapp2.1)) (&& (== net462) (== netcoreapp2.2)) (&& (== net462) (< net45) (>= netstandard1.6)) (&& (== netcoreapp2.1) (< netcoreapp1.1)) (&& (== netcoreapp2.2) (< netcoreapp1.1)) (== netstandard2.0)
      System.Globalization (>= 4.3) - restriction: || (&& (== net46) (== netcoreapp2.1)) (&& (== net46) (== netcoreapp2.2)) (&& (== net46) (< net45) (>= netstandard1.6)) (&& (== net462) (== netcoreapp2.1)) (&& (== net462) (== netcoreapp2.2)) (&& (== net462) (< net45) (>= netstandard1.6)) (&& (== netcoreapp2.1) (< netcoreapp1.1)) (&& (== netcoreapp2.2) (< netcoreapp1.1)) (== netstandard2.0)
      System.Resources.ResourceManager (>= 4.3) - restriction: || (&& (== net46) (== netcoreapp2.1)) (&& (== net46) (== netcoreapp2.2)) (&& (== net46) (< net45) (>= netstandard1.6)) (&& (== net462) (== netcoreapp2.1)) (&& (== net462) (== netcoreapp2.2)) (&& (== net462) (< net45) (>= netstandard1.6)) (&& (== netcoreapp2.1) (< netcoreapp1.1)) (&& (== netcoreapp2.2) (< netcoreapp1.1)) (== netstandard2.0)
      System.Runtime (>= 4.3.1) - restriction: || (&& (== net46) (< net45)) (&& (== net46) (>= netcoreapp1.1)) (&& (== net462) (< net45)) (&& (== net462) (>= netcoreapp1.1)) (== netcoreapp2.1) (== netcoreapp2.2) (== netstandard2.0)
      System.Runtime.Extensions (>= 4.3.1) - restriction: || (&& (== net46) (== netcoreapp2.1)) (&& (== net46) (== netcoreapp2.2)) (&& (== net46) (< net45) (>= netstandard1.6)) (&& (== net462) (== netcoreapp2.1)) (&& (== net462) (== netcoreapp2.2)) (&& (== net462) (< net45) (>= netstandard1.6)) (&& (== netcoreapp2.1) (< netcoreapp1.1)) (&& (== netcoreapp2.2) (< netcoreapp1.1)) (== netstandard2.0)
      System.Threading (>= 4.3) - restriction: || (&& (== net46) (== netcoreapp2.1)) (&& (== net46) (== netcoreapp2.2)) (&& (== net46) (< net45) (>= netstandard1.6)) (&& (== net462) (== netcoreapp2.1)) (&& (== net462) (== netcoreapp2.2)) (&& (== net462) (< net45) (>= netstandard1.6)) (&& (== netcoreapp2.1) (< netcoreapp1.1)) (&& (== netcoreapp2.2) (< netcoreapp1.1)) (== netstandard2.0)
    System.Threading (4.3) - restriction: || (&& (== net46) (< net35)) (&& (== net46) (>= netcoreapp1.0)) (&& (== net462) (< net35)) (&& (== net462) (>= netcoreapp1.0)) (== netcoreapp2.1) (== netcoreapp2.2) (== netstandard2.0)
      System.Runtime (>= 4.3) - restriction: || (&& (== net46) (< net45)) (&& (== net462) (< net45)) (== netcoreapp2.1) (== netcoreapp2.2) (== netstandard2.0)
      System.Threading.Tasks (>= 4.3) - restriction: || (&& (== net46) (< net45)) (&& (== net462) (< net45)) (== netcoreapp2.1) (== netcoreapp2.2) (== netstandard2.0)
    System.Threading.Tasks (4.3) - restriction: || (&& (== net46) (< net35)) (&& (== net46) (>= netcoreapp1.0)) (&& (== net462) (< net35)) (&& (== net462) (>= netcoreapp1.0)) (== netcoreapp2.1) (== netcoreapp2.2) (== netstandard2.0)
      Microsoft.NETCore.Platforms (>= 1.1) - restriction: || (&& (== net46) (< net45)) (&& (== net462) (< net45)) (== netcoreapp2.1) (== netcoreapp2.2) (== netstandard2.0)
      Microsoft.NETCore.Targets (>= 1.1) - restriction: || (&& (== net46) (< net45)) (&& (== net462) (< net45)) (== netcoreapp2.1) (== netcoreapp2.2) (== netstandard2.0)
      System.Runtime (>= 4.3) - restriction: || (&& (== net46) (< net45)) (&& (== net462) (< net45)) (== netcoreapp2.1) (== netcoreapp2.2) (== netstandard2.0)
    System.Threading.Tasks.Extensions (4.5.2)
      System.Runtime.CompilerServices.Unsafe (>= 4.5.2) - restriction: || (== net46) (== net462) (&& (== netcoreapp2.1) (>= net45)) (&& (== netcoreapp2.1) (< netstandard1.0)) (&& (== netcoreapp2.1) (< netstandard2.0)) (&& (== netcoreapp2.1) (>= wp8)) (&& (== netcoreapp2.2) (>= net45)) (&& (== netcoreapp2.2) (< netcoreapp2.1)) (&& (== netcoreapp2.2) (< netstandard1.0)) (&& (== netcoreapp2.2) (< netstandard2.0)) (&& (== netcoreapp2.2) (>= wp8)) (== netstandard2.0)
    System.Threading.Thread (4.3) - restriction: || (&& (== net46) (>= netcoreapp1.0)) (&& (== net462) (>= netcoreapp1.0)) (== netcoreapp2.1) (== netcoreapp2.2) (&& (== netstandard2.0) (>= netcoreapp1.0))
      System.Runtime (>= 4.3) - restriction: || (&& (== net462) (< net46)) (== netcoreapp2.1) (== netcoreapp2.2) (== netstandard2.0)
    System.Threading.ThreadPool (4.3) - restriction: || (&& (== net46) (>= netcoreapp1.0)) (&& (== net462) (>= netcoreapp1.0)) (== netcoreapp2.1) (== netcoreapp2.2) (&& (== netstandard2.0) (>= netcoreapp1.0))
      System.Runtime (>= 4.3) - restriction: || (&& (== net462) (< net46)) (== netcoreapp2.1) (== netcoreapp2.2) (== netstandard2.0)
      System.Runtime.Handles (>= 4.3) - restriction: || (&& (== net462) (< net46)) (== netcoreapp2.1) (== netcoreapp2.2) (== netstandard2.0)
    System.ValueTuple (4.5)
    System.Xml.ReaderWriter (4.3.1) - restriction: || (&& (== net46) (< net35)) (&& (== net46) (>= netcoreapp1.0)) (&& (== net462) (< net35)) (&& (== net462) (>= netcoreapp1.0)) (== netcoreapp2.1) (== netcoreapp2.2) (== netstandard2.0)
      System.Collections (>= 4.3) - restriction: || (&& (== net46) (< net45)) (&& (== net462) (< net45)) (== netcoreapp2.1) (== netcoreapp2.2) (== netstandard2.0)
      System.Diagnostics.Debug (>= 4.3) - restriction: || (&& (== net46) (< net45)) (&& (== net462) (< net45)) (== netcoreapp2.1) (== netcoreapp2.2) (== netstandard2.0)
      System.Globalization (>= 4.3) - restriction: || (&& (== net46) (< net45)) (&& (== net462) (< net45)) (== netcoreapp2.1) (== netcoreapp2.2) (== netstandard2.0)
      System.IO (>= 4.3) - restriction: || (&& (== net46) (< net45)) (&& (== net462) (< net45)) (== netcoreapp2.1) (== netcoreapp2.2) (== netstandard2.0)
      System.IO.FileSystem (>= 4.3) - restriction: || (&& (== net46) (< net45)) (&& (== net462) (< net45)) (== netcoreapp2.1) (== netcoreapp2.2) (== netstandard2.0)
      System.IO.FileSystem.Primitives (>= 4.3) - restriction: || (&& (== net46) (< net45)) (&& (== net462) (< net45)) (== netcoreapp2.1) (== netcoreapp2.2) (== netstandard2.0)
      System.Resources.ResourceManager (>= 4.3) - restriction: || (&& (== net46) (< net45)) (&& (== net462) (< net45)) (== netcoreapp2.1) (== netcoreapp2.2) (== netstandard2.0)
      System.Runtime (>= 4.3) - restriction: || (&& (== net46) (< net45)) (&& (== net462) (< net45)) (== netcoreapp2.1) (== netcoreapp2.2) (== netstandard2.0)
      System.Runtime.Extensions (>= 4.3) - restriction: || (&& (== net46) (< net45)) (&& (== net462) (< net45)) (== netcoreapp2.1) (== netcoreapp2.2) (== netstandard2.0)
      System.Runtime.InteropServices (>= 4.3) - restriction: || (&& (== net46) (< net45)) (&& (== net462) (< net45)) (== netcoreapp2.1) (== netcoreapp2.2) (== netstandard2.0)
      System.Text.Encoding (>= 4.3) - restriction: || (&& (== net46) (< net45)) (&& (== net462) (< net45)) (== netcoreapp2.1) (== netcoreapp2.2) (== netstandard2.0)
      System.Text.Encoding.Extensions (>= 4.3) - restriction: || (&& (== net46) (< net45)) (&& (== net462) (< net45)) (== netcoreapp2.1) (== netcoreapp2.2) (== netstandard2.0)
      System.Text.RegularExpressions (>= 4.3) - restriction: || (&& (== net46) (< net45)) (&& (== net462) (< net45)) (== netcoreapp2.1) (== netcoreapp2.2) (== netstandard2.0)
      System.Threading.Tasks (>= 4.3) - restriction: || (&& (== net46) (< net45)) (&& (== net462) (< net45)) (== netcoreapp2.1) (== netcoreapp2.2) (== netstandard2.0)
      System.Threading.Tasks.Extensions (>= 4.3) - restriction: || (&& (== net46) (< net45)) (&& (== net462) (< net45)) (== netcoreapp2.1) (== netcoreapp2.2) (== netstandard2.0)
    System.Xml.XDocument (4.3) - restriction: || (&& (== net46) (>= netcoreapp1.0)) (&& (== net462) (>= netcoreapp1.0)) (== netcoreapp2.1) (== netcoreapp2.2) (&& (== netstandard2.0) (>= netcoreapp1.0))
      System.Collections (>= 4.3) - restriction: || (&& (== net46) (< net45)) (&& (== net462) (< net45)) (== netcoreapp2.1) (== netcoreapp2.2) (== netstandard2.0)
      System.Diagnostics.Debug (>= 4.3) - restriction: || (&& (== net46) (< net45)) (&& (== net462) (< net45)) (== netcoreapp2.1) (== netcoreapp2.2) (== netstandard2.0)
      System.Diagnostics.Tools (>= 4.3) - restriction: || (&& (== net46) (< net45)) (&& (== net462) (< net45)) (== netcoreapp2.1) (== netcoreapp2.2) (== netstandard2.0)
      System.Globalization (>= 4.3) - restriction: || (&& (== net46) (< net45)) (&& (== net462) (< net45)) (== netcoreapp2.1) (== netcoreapp2.2) (== netstandard2.0)
      System.IO (>= 4.3) - restriction: || (&& (== net46) (< net45)) (&& (== net462) (< net45)) (== netcoreapp2.1) (== netcoreapp2.2) (== netstandard2.0)
      System.Reflection (>= 4.3) - restriction: || (&& (== net46) (< net45)) (&& (== net462) (< net45)) (== netcoreapp2.1) (== netcoreapp2.2) (== netstandard2.0)
      System.Resources.ResourceManager (>= 4.3) - restriction: || (&& (== net46) (< net45)) (&& (== net462) (< net45)) (== netcoreapp2.1) (== netcoreapp2.2) (== netstandard2.0)
      System.Runtime (>= 4.3) - restriction: || (&& (== net46) (< net45)) (&& (== net462) (< net45)) (== netcoreapp2.1) (== netcoreapp2.2) (== netstandard2.0)
      System.Runtime.Extensions (>= 4.3) - restriction: || (&& (== net46) (< net45)) (&& (== net462) (< net45)) (== netcoreapp2.1) (== netcoreapp2.2) (== netstandard2.0)
      System.Text.Encoding (>= 4.3) - restriction: || (&& (== net46) (< net45)) (&& (== net462) (< net45)) (== netcoreapp2.1) (== netcoreapp2.2) (== netstandard2.0)
      System.Threading (>= 4.3) - restriction: || (&& (== net46) (< net45)) (&& (== net462) (< net45)) (== netcoreapp2.1) (== netcoreapp2.2) (== netstandard2.0)
      System.Xml.ReaderWriter (>= 4.3) - restriction: || (&& (== net46) (< net45)) (&& (== net462) (< net45)) (== netcoreapp2.1) (== netcoreapp2.2) (== netstandard2.0)
    System.Xml.XmlDocument (4.3) - restriction: || (&& (== net46) (< net35)) (&& (== net46) (>= netcoreapp1.0)) (&& (== net462) (< net35)) (&& (== net462) (>= netcoreapp1.0)) (== netcoreapp2.1) (== netcoreapp2.2) (== netstandard2.0)
      System.Collections (>= 4.3) - restriction: || (&& (== net462) (< net46)) (== netcoreapp2.1) (== netcoreapp2.2) (== netstandard2.0)
      System.Diagnostics.Debug (>= 4.3) - restriction: || (&& (== net462) (< net46)) (== netcoreapp2.1) (== netcoreapp2.2) (== netstandard2.0)
      System.Globalization (>= 4.3) - restriction: || (&& (== net462) (< net46)) (== netcoreapp2.1) (== netcoreapp2.2) (== netstandard2.0)
      System.IO (>= 4.3) - restriction: || (&& (== net462) (< net46)) (== netcoreapp2.1) (== netcoreapp2.2) (== netstandard2.0)
      System.Resources.ResourceManager (>= 4.3) - restriction: || (&& (== net462) (< net46)) (== netcoreapp2.1) (== netcoreapp2.2) (== netstandard2.0)
      System.Runtime (>= 4.3) - restriction: || (&& (== net462) (< net46)) (== netcoreapp2.1) (== netcoreapp2.2) (== netstandard2.0)
      System.Runtime.Extensions (>= 4.3) - restriction: || (&& (== net462) (< net46)) (== netcoreapp2.1) (== netcoreapp2.2) (== netstandard2.0)
      System.Text.Encoding (>= 4.3) - restriction: || (&& (== net462) (< net46)) (== netcoreapp2.1) (== netcoreapp2.2) (== netstandard2.0)
      System.Threading (>= 4.3) - restriction: || (&& (== net462) (< net46)) (== netcoreapp2.1) (== netcoreapp2.2) (== netstandard2.0)
      System.Xml.ReaderWriter (>= 4.3) - restriction: || (&& (== net462) (< net46)) (== netcoreapp2.1) (== netcoreapp2.2) (== netstandard2.0)
    System.Xml.XmlSerializer (4.3) - restriction: || (&& (== net46) (>= netcoreapp1.0)) (&& (== net462) (>= netcoreapp1.0)) (== netcoreapp2.1) (== netcoreapp2.2) (&& (== netstandard2.0) (>= netcoreapp1.0))
      System.Collections (>= 4.3) - restriction: || (&& (== net46) (< net45)) (&& (== net462) (< net45)) (== netcoreapp2.1) (== netcoreapp2.2) (== netstandard2.0)
      System.Globalization (>= 4.3) - restriction: || (&& (== net46) (< net45)) (&& (== net462) (< net45)) (== netcoreapp2.1) (== netcoreapp2.2) (== netstandard2.0)
      System.IO (>= 4.3) - restriction: || (&& (== net46) (< net45)) (&& (== net462) (< net45)) (== netcoreapp2.1) (== netcoreapp2.2) (== netstandard2.0)
      System.Linq (>= 4.3) - restriction: || (&& (== net46) (< net45)) (&& (== net462) (< net45)) (== netcoreapp2.1) (== netcoreapp2.2) (== netstandard2.0)
      System.Reflection (>= 4.3) - restriction: || (&& (== net46) (< net45)) (&& (== net462) (< net45)) (== netcoreapp2.1) (== netcoreapp2.2) (== netstandard2.0)
      System.Reflection.Emit (>= 4.3) - restriction: || (&& (== net46) (< net45)) (&& (== net462) (< net45)) (== netcoreapp2.1) (== netcoreapp2.2) (== netstandard2.0)
      System.Reflection.Emit.ILGeneration (>= 4.3) - restriction: || (&& (== net46) (< net45)) (&& (== net462) (< net45)) (== netcoreapp2.1) (== netcoreapp2.2) (== netstandard2.0)
      System.Reflection.Extensions (>= 4.3) - restriction: || (&& (== net46) (< net45)) (&& (== net462) (< net45)) (== netcoreapp2.1) (== netcoreapp2.2) (== netstandard2.0)
      System.Reflection.Primitives (>= 4.3) - restriction: || (&& (== net46) (< net45)) (&& (== net462) (< net45)) (== netcoreapp2.1) (== netcoreapp2.2) (== netstandard2.0)
      System.Reflection.TypeExtensions (>= 4.3) - restriction: || (&& (== net46) (< net45)) (&& (== net462) (< net45)) (== netcoreapp2.1) (== netcoreapp2.2) (== netstandard2.0)
      System.Resources.ResourceManager (>= 4.3) - restriction: || (&& (== net46) (< net45)) (&& (== net462) (< net45)) (== netcoreapp2.1) (== netcoreapp2.2) (== netstandard2.0)
      System.Runtime (>= 4.3) - restriction: || (&& (== net46) (< net45)) (&& (== net462) (< net45)) (== netcoreapp2.1) (== netcoreapp2.2) (== netstandard2.0)
      System.Runtime.Extensions (>= 4.3) - restriction: || (&& (== net46) (< net45)) (&& (== net462) (< net45)) (== netcoreapp2.1) (== netcoreapp2.2) (== netstandard2.0)
      System.Text.RegularExpressions (>= 4.3) - restriction: || (&& (== net46) (< net45)) (&& (== net462) (< net45)) (== netcoreapp2.1) (== netcoreapp2.2) (== netstandard2.0)
      System.Threading (>= 4.3) - restriction: || (&& (== net46) (< net45)) (&& (== net462) (< net45)) (== netcoreapp2.1) (== netcoreapp2.2) (== netstandard2.0)
      System.Xml.ReaderWriter (>= 4.3) - restriction: || (&& (== net46) (< net45)) (&& (== net462) (< net45)) (== netcoreapp2.1) (== netcoreapp2.2) (== netstandard2.0)
      System.Xml.XmlDocument (>= 4.3) - restriction: || (&& (== net46) (< net45)) (&& (== net462) (< net45)) (== netcoreapp2.1) (== netcoreapp2.2) (== netstandard2.0)
    System.Xml.XPath (4.3) - restriction: || (&& (== net46) (>= netcoreapp1.0)) (&& (== net462) (>= netcoreapp1.0)) (== netcoreapp2.1) (== netcoreapp2.2) (&& (== netstandard2.0) (>= netcoreapp1.0))
      System.Collections (>= 4.3) - restriction: || (&& (== net462) (< net46)) (== netcoreapp2.1) (== netcoreapp2.2) (== netstandard2.0)
      System.Diagnostics.Debug (>= 4.3) - restriction: || (&& (== net462) (< net46)) (== netcoreapp2.1) (== netcoreapp2.2) (== netstandard2.0)
      System.Globalization (>= 4.3) - restriction: || (&& (== net462) (< net46)) (== netcoreapp2.1) (== netcoreapp2.2) (== netstandard2.0)
      System.IO (>= 4.3) - restriction: || (&& (== net462) (< net46)) (== netcoreapp2.1) (== netcoreapp2.2) (== netstandard2.0)
      System.Resources.ResourceManager (>= 4.3) - restriction: || (&& (== net462) (< net46)) (== netcoreapp2.1) (== netcoreapp2.2) (== netstandard2.0)
      System.Runtime (>= 4.3) - restriction: || (&& (== net462) (< net46)) (== netcoreapp2.1) (== netcoreapp2.2) (== netstandard2.0)
      System.Runtime.Extensions (>= 4.3) - restriction: || (&& (== net462) (< net46)) (== netcoreapp2.1) (== netcoreapp2.2) (== netstandard2.0)
      System.Threading (>= 4.3) - restriction: || (&& (== net462) (< net46)) (== netcoreapp2.1) (== netcoreapp2.2) (== netstandard2.0)
      System.Xml.ReaderWriter (>= 4.3) - restriction: || (&& (== net462) (< net46)) (== netcoreapp2.1) (== netcoreapp2.2) (== netstandard2.0)
    System.Xml.XPath.XmlDocument (4.3) - restriction: || (&& (== net46) (>= netcoreapp1.0)) (&& (== net462) (>= netcoreapp1.0)) (== netcoreapp2.1) (== netcoreapp2.2) (&& (== netstandard2.0) (>= netcoreapp1.0))
      System.Collections (>= 4.3) - restriction: || (&& (== net462) (< net46)) (== netcoreapp2.1) (== netcoreapp2.2) (== netstandard2.0)
      System.Globalization (>= 4.3) - restriction: || (&& (== net462) (< net46)) (== netcoreapp2.1) (== netcoreapp2.2) (== netstandard2.0)
      System.IO (>= 4.3) - restriction: || (&& (== net462) (< net46)) (== netcoreapp2.1) (== netcoreapp2.2) (== netstandard2.0)
      System.Resources.ResourceManager (>= 4.3) - restriction: || (&& (== net462) (< net46)) (== netcoreapp2.1) (== netcoreapp2.2) (== netstandard2.0)
      System.Runtime (>= 4.3) - restriction: || (&& (== net462) (< net46)) (== netcoreapp2.1) (== netcoreapp2.2) (== netstandard2.0)
      System.Runtime.Extensions (>= 4.3) - restriction: || (&& (== net462) (< net46)) (== netcoreapp2.1) (== netcoreapp2.2) (== netstandard2.0)
      System.Threading (>= 4.3) - restriction: || (&& (== net462) (< net46)) (== netcoreapp2.1) (== netcoreapp2.2) (== netstandard2.0)
      System.Xml.ReaderWriter (>= 4.3) - restriction: || (&& (== net462) (< net46)) (== netcoreapp2.1) (== netcoreapp2.2) (== netstandard2.0)
      System.Xml.XmlDocument (>= 4.3)
      System.Xml.XPath (>= 4.3)
    xunit (2.4.1)
      xunit.analyzers (>= 0.10)
      xunit.assert (2.4.1)
      xunit.core (2.4.1)
    xunit.abstractions (2.0.3)
    xunit.analyzers (0.10)
    xunit.assert (2.4.1)
      NETStandard.Library (>= 1.6.1) - restriction: || (&& (== net46) (< net452)) (&& (== net462) (< net452)) (== netcoreapp2.1) (== netcoreapp2.2) (== netstandard2.0)
    xunit.core (2.4.1)
      xunit.extensibility.core (2.4.1)
      xunit.extensibility.execution (2.4.1)
    xunit.extensibility.core (2.4.1)
      NETStandard.Library (>= 1.6.1) - restriction: || (&& (== net46) (< net452)) (&& (== net462) (< net452)) (== netcoreapp2.1) (== netcoreapp2.2) (== netstandard2.0)
      xunit.abstractions (>= 2.0.3)
    xunit.extensibility.execution (2.4.1)
      NETStandard.Library (>= 1.6.1) - restriction: || (&& (== net46) (< net452)) (&& (== net462) (< net452)) (== netcoreapp2.1) (== netcoreapp2.2) (== netstandard2.0)
      xunit.extensibility.core (2.4.1)
    xunit.runner.visualstudio (2.4.1)
      Microsoft.NET.Test.Sdk (>= 15.0) - restriction: || (&& (== net46) (>= netcoreapp1.0)) (&& (== net462) (>= netcoreapp1.0)) (== netcoreapp2.1) (== netcoreapp2.2) (&& (== netstandard2.0) (>= netcoreapp1.0))
